{
  "bids_meta": {
    "AccelFactPE": 2,
    "DeviceSerialNumber": "40482",
    "EchoTime": 0.418,
    "EchoTrainLength": 147,
    "FlipAngle": 120,
    "InstitutionAddress": "Frew_4805_Pittsburgh_PA_District_US_15213",
    "InstitutionName": "SIBR",
    "MagneticFieldStrength": 3,
    "Manufacturer": "Siemens",
    "ManufacturersModelName": "Verio",
    "PhaseEncodingDirection": "i-",
    "PhaseEncodingLines": 258,
    "RepetitionTime": 3,
    "ScanningSequence": "SE",
    "SequenceName": "_spc3d1_294ns",
    "SequenceVariant": "SK_SP",
    "SoftwareVersions": "syngo_MR_B17",
    "dataset": "ds001233",
    "modality": "T2w",
    "session_id": "pre",
    "subject_id": "18"
  },
  "cjv": 0.19522029271726635,
  "cnr": 2.526055352044893,
  "efc": 0.573407255523415,
  "fber": -1.0,
  "fwhm_avg": 2.2085373190268904,
  "fwhm_x": 2.22872496678941,
  "fwhm_y": 2.2232730097087376,
  "fwhm_z": 2.173613980582524,
  "icvs_csf": 0.422164580806341,
  "icvs_gm": 0.45384847932236355,
  "icvs_wm": 0.12398693987129544,
  "inu_med": 0.8960267305374146,
  "inu_range": 0.18843949437141405,
  "provenance": {
    "md5sum": "828d89736d177b24145edd9f5b751f2a",
    "settings": {
      "testing": false
    },
    "software": "mriqc",
    "version": "23.0.1",
    "warnings": {
      "large_rot_frame": true,
      "small_air_mask": false
    },
    "webapi_port": null,
    "webapi_url": "https://mriqc.nimh.nih.gov/api/v1"
  },
  "qi_1": 0.0,
  "qi_2": 0.04247857234882658,
  "rpve_csf": 8.471491275766658,
  "rpve_gm": 8.42569164449231,
  "rpve_wm": 30.641214609672048,
  "size_x": 224,
  "size_y": 256,
  "size_z": 256,
  "snr_csf": 10.388400376981137,
  "snr_gm": 10.800161478879462,
  "snr_total": 8.386538869105507,
  "snr_wm": 3.971054751455922,
  "snrd_csf": 96.70751089732246,
  "snrd_gm": 62.87922694976368,
  "snrd_total": 111.68884838299915,
  "snrd_wm": 175.47980730191136,
  "spacing_x": 0.800000011920929,
  "spacing_y": 0.8046875,
  "spacing_z": 0.8046875,
  "summary_bg_k": 12.481436080300494,
  "summary_bg_mad": 0.0,
  "summary_bg_mean": 1.930260297976257,
  "summary_bg_median": 0.0,
  "summary_bg_n": 2962940.0,
  "summary_bg_p05": 0.0,
  "summary_bg_p95": 8.704154700040817,
  "summary_bg_stdv": 3.7334005392835796,
  "summary_csf_k": 0.4507766791739263,
  "summary_csf_mad": 51.050702922950826,
  "summary_csf_mean": 552.377690715962,
  "summary_csf_median": 551.1033631116152,
  "summary_csf_n": 141295.0,
  "summary_csf_p05": 467.41694182157516,
  "summary_csf_p95": 640.6181170642376,
  "summary_csf_stdv": 53.04968935758788,
  "summary_gm_k": 0.29039022585124163,
  "summary_gm_mad": 32.20514833613769,
  "summary_gm_mean": 358.68416798910926,
  "summary_gm_median": 358.3274258673191,
  "summary_gm_n": 423461.0,
  "summary_gm_p05": 304.53038161993027,
  "summary_gm_p95": 413.37065966427326,
  "summary_gm_stdv": 33.17793011465897,
  "summary_wm_k": 3.248937788352026,
  "summary_wm_mad": 93.06236156444376,
  "summary_wm_mean": 886.5389519974588,
  "summary_wm_median": 1000.0000110119581,
  "summary_wm_n": 28801.0,
  "summary_wm_p05": 216.0317514538765,
  "summary_wm_p95": 1078.7400183975697,
  "summary_wm_stdv": 251.81789548132718,
  "tpm_overlap_csf": 0.11263724015752909,
  "tpm_overlap_gm": 0.2748138465909822,
  "tpm_overlap_wm": 0.02432677419658764,
  "wm2max": 0.9311612960814067
}