{
  "bids_meta": {
    "AccelFactPE": 2,
    "DeviceSerialNumber": "40482",
    "EchoTime": 0.00197,
    "FlipAngle": 9,
    "InstitutionAddress": "Frew_4805_Pittsburgh_PA_District_US_15213",
    "InstitutionName": "SIBR",
    "InversionTime": 0.9,
    "MagneticFieldStrength": 3,
    "Manufacturer": "Siemens",
    "ManufacturersModelName": "Verio",
    "PhaseEncodingDirection": "i-",
    "PhaseEncodingLines": 256,
    "RepetitionTime": 2.3,
    "ScanningSequence": "GR_IR",
    "SequenceName": "_tfl3d1_ns",
    "SequenceVariant": "SP_MP",
    "SoftwareVersions": "syngo_MR_B17",
    "dataset": "ds001233",
    "modality": "T1w",
    "session_id": "pre",
    "subject_id": "16"
  },
  "cjv": 0.3316371083373974,
  "cnr": 4.0746825426865545,
  "efc": 0.5410069689037387,
  "fber": 10190.839009532852,
  "fwhm_avg": 3.929066666666667,
  "fwhm_x": 3.9748,
  "fwhm_y": 3.95634,
  "fwhm_z": 3.85606,
  "icvs_csf": 0.2184077213532181,
  "icvs_gm": 0.45300156704218575,
  "icvs_wm": 0.32859071160459613,
  "inu_med": 0.56993168592453,
  "inu_range": 0.18867466151714324,
  "provenance": {
    "md5sum": "147e4903a94d0083a1e9eacd07d81f1d",
    "settings": {
      "testing": false
    },
    "software": "mriqc",
    "version": "23.0.1",
    "warnings": {
      "large_rot_frame": true,
      "small_air_mask": false
    },
    "webapi_port": null,
    "webapi_url": "https://mriqc.nimh.nih.gov/api/v1"
  },
  "qi_1": 0.0,
  "qi_2": 0.01446836548214242,
  "rpve_csf": 22.90540459384471,
  "rpve_gm": 11.882827968162308,
  "rpve_wm": 18.764812231021676,
  "size_x": 176,
  "size_y": 256,
  "size_z": 256,
  "snr_csf": 1.985016443309018,
  "snr_gm": 9.814951342361631,
  "snr_total": 10.990040351453635,
  "snr_wm": 21.170153268690257,
  "snrd_csf": 15.126918961152333,
  "snrd_gm": 48.37708536915944,
  "snrd_total": 45.48870541812709,
  "snrd_wm": 72.96211192406949,
  "spacing_x": 1.0,
  "spacing_y": 1.0,
  "spacing_z": 1.0,
  "summary_bg_k": 4.4545648784147485,
  "summary_bg_mad": 8.979503771211775,
  "summary_bg_mean": 5.683669705007376,
  "summary_bg_median": 6.056583255529404,
  "summary_bg_n": 2945086.0,
  "summary_bg_p05": 0.0,
  "summary_bg_p95": 17.63046495616436,
  "summary_bg_stdv": 6.613430026079254,
  "summary_csf_k": 1.3456339565436783,
  "summary_csf_mad": 92.68569988504208,
  "summary_csf_mean": 221.71877971526115,
  "summary_csf_median": 207.33426788449287,
  "summary_csf_n": 31375.0,
  "summary_csf_p05": 76.92690403461457,
  "summary_csf_p95": 427.83123348802326,
  "summary_csf_stdv": 104.44798300047599,
  "summary_gm_k": 0.03665838206348715,
  "summary_gm_mad": 67.40778173457606,
  "summary_gm_mean": 661.3787113172172,
  "summary_gm_median": 663.0714161396027,
  "summary_gm_n": 35823.0,
  "summary_gm_p05": 547.5814998149872,
  "summary_gm_p95": 769.8083251565695,
  "summary_gm_stdv": 67.55633707373451,
  "summary_wm_k": 0.6060608084750978,
  "summary_wm_mad": 44.34398780166911,
  "summary_wm_mean": 999.295641307256,
  "summary_wm_median": 1000.0414557605982,
  "summary_wm_n": 179891.0,
  "summary_wm_p05": 920.5591713935137,
  "summary_wm_p95": 1074.919077515602,
  "summary_wm_stdv": 47.238140578775536,
  "tpm_overlap_csf": 0.17619675863419815,
  "tpm_overlap_gm": 0.48272728962293726,
  "tpm_overlap_wm": 0.5103156589532241,
  "wm2max": 0.4108494103210853
}