{
  "bids_meta": {
    "AccelFactPE": 2,
    "DeviceSerialNumber": "40482",
    "EchoTime": 0.418,
    "EchoTrainLength": 147,
    "FlipAngle": 120,
    "InstitutionAddress": "Frew_4805_Pittsburgh_PA_District_US_15213",
    "InstitutionName": "SIBR",
    "MagneticFieldStrength": 3,
    "Manufacturer": "Siemens",
    "ManufacturersModelName": "Verio",
    "PhaseEncodingDirection": "i-",
    "PhaseEncodingLines": 258,
    "RepetitionTime": 3,
    "ScanningSequence": "SE",
    "SequenceName": "_spc3d1_294ns",
    "SequenceVariant": "SK_SP",
    "SoftwareVersions": "syngo_MR_B17",
    "dataset": "ds001233",
    "modality": "T2w",
    "session_id": "pre",
    "subject_id": "03"
  },
  "cjv": 0.24628687429039567,
  "cnr": 2.3667976806573585,
  "efc": 0.5395535202117063,
  "fber": 6820.252730389031,
  "fwhm_avg": 2.494129073242487,
  "fwhm_x": 2.5202124624459077,
  "fwhm_y": 2.522991844660194,
  "fwhm_z": 2.439182912621359,
  "icvs_csf": 0.3740988668981986,
  "icvs_gm": 0.4847037346447793,
  "icvs_wm": 0.14119739845702214,
  "inu_med": 0.9752165675163269,
  "inu_range": 0.3543030321598052,
  "provenance": {
    "md5sum": "eaebf5ca590ce06d26e7a2e957299d28",
    "settings": {
      "testing": false
    },
    "software": "mriqc",
    "version": "23.0.1",
    "warnings": {
      "large_rot_frame": true,
      "small_air_mask": false
    },
    "webapi_port": null,
    "webapi_url": "https://mriqc.nimh.nih.gov/api/v1"
  },
  "qi_1": 0.0,
  "qi_2": 0.016416897531945716,
  "rpve_csf": 10.376985258331965,
  "rpve_gm": 8.807650066275327,
  "rpve_wm": 32.981997143333466,
  "size_x": 224,
  "size_y": 256,
  "size_z": 256,
  "snr_csf": 9.78081234109963,
  "snr_gm": 9.417985107247775,
  "snr_total": 7.702619145253533,
  "snr_wm": 3.909059987413195,
  "snrd_csf": 55.00213243229984,
  "snrd_gm": 35.43245308812888,
  "snrd_total": 60.70126112136907,
  "snrd_wm": 91.66919784367849,
  "spacing_x": 0.800000011920929,
  "spacing_y": 0.8046875,
  "spacing_z": 0.8046875,
  "summary_bg_k": 4.348063197633137,
  "summary_bg_mad": 7.146984362453563,
  "summary_bg_mean": 6.946506606829753,
  "summary_bg_median": 4.820567697286606,
  "summary_bg_n": 2492583.0,
  "summary_bg_p05": 0.0,
  "summary_bg_p95": 22.629887245595455,
  "summary_bg_stdv": 7.755243671248093,
  "summary_csf_k": 0.6028002710034568,
  "summary_csf_mad": 58.367038960037426,
  "summary_csf_mean": 601.6218282147864,
  "summary_csf_median": 600.0267736539245,
  "summary_csf_n": 90799.0,
  "summary_csf_p05": 504.731291860342,
  "summary_csf_p95": 704.2715501077473,
  "summary_csf_stdv": 61.34699742422305,
  "summary_gm_k": 0.23103316372877059,
  "summary_gm_mad": 40.698105397305014,
  "summary_gm_mean": 386.25234349066795,
  "summary_gm_median": 386.5381135046482,
  "summary_gm_n": 302868.0,
  "summary_gm_p05": 318.69308665394783,
  "summary_gm_p95": 452.3076181523502,
  "summary_gm_stdv": 41.042481058606185,
  "summary_wm_k": 3.2908810640112396,
  "summary_wm_mad": 110.39774687651071,
  "summary_wm_mean": 906.878443096724,
  "summary_wm_median": 1000.0334640350193,
  "summary_wm_n": 43700.0,
  "summary_wm_p05": 211.62961714379492,
  "summary_wm_p95": 1120.201736100018,
  "summary_wm_stdv": 255.82161060691232,
  "tpm_overlap_csf": 0.11078909192269347,
  "tpm_overlap_gm": 0.3066764994311856,
  "tpm_overlap_wm": 0.03480433690918701,
  "wm2max": 0.8890244628295935
}