{
  "bids_meta": {
    "AccelFactPE": 2,
    "DeviceSerialNumber": "40482",
    "EchoTime": 0.00197,
    "FlipAngle": 9,
    "InstitutionAddress": "Frew_4805_Pittsburgh_PA_District_US_15213",
    "InstitutionName": "SIBR",
    "InversionTime": 0.9,
    "MagneticFieldStrength": 3,
    "Manufacturer": "Siemens",
    "ManufacturersModelName": "Verio",
    "PhaseEncodingDirection": "i-",
    "PhaseEncodingLines": 256,
    "RepetitionTime": 2.3,
    "ScanningSequence": "GR_IR",
    "SequenceName": "_tfl3d1_ns",
    "SequenceVariant": "SP_MP",
    "SoftwareVersions": "syngo_MR_B17",
    "dataset": "ds001233",
    "modality": "T1w",
    "session_id": "pre",
    "subject_id": "04"
  },
  "cjv": 0.3359582379227655,
  "cnr": 4.053773637806119,
  "efc": 0.5608811227583314,
  "fber": 15088.335632313867,
  "fwhm_avg": 3.939603333333333,
  "fwhm_x": 3.89501,
  "fwhm_y": 4.01917,
  "fwhm_z": 3.90463,
  "icvs_csf": 0.21008633791293096,
  "icvs_gm": 0.4370259472166288,
  "icvs_wm": 0.35288771487044024,
  "inu_med": 0.5365803241729736,
  "inu_range": 0.14724205434322363,
  "provenance": {
    "md5sum": "daf61f7cf82e5668fb8aca00b2caf14e",
    "settings": {
      "testing": false
    },
    "software": "mriqc",
    "version": "23.0.1",
    "warnings": {
      "large_rot_frame": true,
      "small_air_mask": false
    },
    "webapi_port": null,
    "webapi_url": "https://mriqc.nimh.nih.gov/api/v1"
  },
  "qi_1": 0.0,
  "qi_2": 0.020096330938942242,
  "rpve_csf": 21.75840054466376,
  "rpve_gm": 11.18331569543367,
  "rpve_wm": 16.053115976563596,
  "size_x": 176,
  "size_y": 256,
  "size_z": 256,
  "snr_csf": 1.6252619462281965,
  "snr_gm": 9.624621162570431,
  "snr_total": 11.0637238844047,
  "snr_wm": 21.94128854441547,
  "snrd_csf": 17.933255702436153,
  "snrd_gm": 66.97933246532449,
  "snrd_total": 61.93641816973001,
  "snrd_wm": 100.89666634142938,
  "spacing_x": 1.0,
  "spacing_y": 1.0,
  "spacing_z": 1.0,
  "summary_bg_k": 10.608277108951778,
  "summary_bg_mad": 0.0,
  "summary_bg_mean": 3.722480347433497,
  "summary_bg_median": 0.0,
  "summary_bg_n": 2312330.0,
  "summary_bg_p05": 0.0,
  "summary_bg_p95": 16.71013955026865,
  "summary_bg_stdv": 6.493141926269073,
  "summary_csf_k": 12.799748916157363,
  "summary_csf_mad": 89.97369649632518,
  "summary_csf_mean": 201.0818016030829,
  "summary_csf_median": 177.73882580175996,
  "summary_csf_n": 38076.0,
  "summary_csf_p05": 65.08803137019277,
  "summary_csf_p95": 410.09127842634916,
  "summary_csf_stdv": 109.35867427287987,
  "summary_gm_k": -0.042517889011789656,
  "summary_gm_mad": 69.54984866841522,
  "summary_gm_mean": 664.4519676942712,
  "summary_gm_median": 663.8408609628677,
  "summary_gm_n": 53699.0,
  "summary_gm_p05": 552.4086840253324,
  "summary_gm_p95": 779.7929268665612,
  "summary_gm_stdv": 68.9725516041084,
  "summary_wm_k": 0.42125673582015466,
  "summary_wm_mad": 43.385570237986215,
  "summary_wm_mean": 1000.018213860208,
  "summary_wm_median": 999.99996098876,
  "summary_wm_n": 233175.0,
  "summary_wm_p05": 925.2404268983752,
  "summary_wm_p95": 1074.788024585694,
  "summary_wm_stdv": 45.57607519950571,
  "tpm_overlap_csf": 0.16244595860292155,
  "tpm_overlap_gm": 0.4656902833265044,
  "tpm_overlap_wm": 0.5105361207723219,
  "wm2max": 0.40708786833023625
}