{
  "bids_meta": {
    "AccelFactPE": 2,
    "DeviceSerialNumber": "40482",
    "EchoTime": 0.418,
    "EchoTrainLength": 147,
    "FlipAngle": 120,
    "InstitutionAddress": "Frew_4805_Pittsburgh_PA_District_US_15213",
    "InstitutionName": "SIBR",
    "MagneticFieldStrength": 3,
    "Manufacturer": "Siemens",
    "ManufacturersModelName": "Verio",
    "PhaseEncodingDirection": "i-",
    "PhaseEncodingLines": 258,
    "RepetitionTime": 3,
    "ScanningSequence": "SE",
    "SequenceName": "_spc3d1_294ns",
    "SequenceVariant": "SK_SP",
    "SoftwareVersions": "syngo_MR_B17",
    "dataset": "ds001233",
    "modality": "T2w",
    "session_id": "pre",
    "subject_id": "07"
  },
  "cjv": 0.26370036397720303,
  "cnr": 2.6989221505495418,
  "efc": 0.5794564683948195,
  "fber": -1.0,
  "fwhm_avg": 2.3659553037889474,
  "fwhm_x": 2.364587464764901,
  "fwhm_y": 2.359698640776699,
  "fwhm_z": 2.373579805825243,
  "icvs_csf": 0.3350670867552905,
  "icvs_gm": 0.5143714721131191,
  "icvs_wm": 0.15056144113159048,
  "inu_med": 0.8844836354255676,
  "inu_range": 0.3309054702520371,
  "provenance": {
    "md5sum": "ac91de7d61378c5ac58ad02bd0b17f55",
    "settings": {
      "testing": false
    },
    "software": "mriqc",
    "version": "23.0.1",
    "warnings": {
      "large_rot_frame": true,
      "small_air_mask": false
    },
    "webapi_port": null,
    "webapi_url": "https://mriqc.nimh.nih.gov/api/v1"
  },
  "qi_1": 0.0,
  "qi_2": 0.024721581915202545,
  "rpve_csf": 9.97178541531536,
  "rpve_gm": 7.5630916508823045,
  "rpve_wm": 28.56829299226349,
  "size_x": 224,
  "size_y": 256,
  "size_z": 256,
  "snr_csf": 8.713089712067699,
  "snr_gm": 8.137495207278242,
  "snr_total": 7.056870994886914,
  "snr_wm": 4.320028065314801,
  "snrd_csf": 80.92512947067304,
  "snrd_gm": 51.342753530458744,
  "snrd_total": 91.15781534129275,
  "snrd_wm": 141.20556302274645,
  "spacing_x": 0.800000011920929,
  "spacing_y": 0.8046875,
  "spacing_z": 0.8046875,
  "summary_bg_k": 22.266727150270427,
  "summary_bg_mad": 0.0,
  "summary_bg_mean": 2.22623775944459,
  "summary_bg_median": 0.0,
  "summary_bg_n": 3830331.0,
  "summary_bg_p05": 0.0,
  "summary_bg_p95": 11.9712518081069,
  "summary_bg_stdv": 4.639794337265829,
  "summary_csf_k": 1.1303522998534303,
  "summary_csf_mad": 59.72902884992328,
  "summary_csf_mean": 575.7340673735029,
  "summary_csf_median": 573.1263862922788,
  "summary_csf_n": 69333.0,
  "summary_csf_p05": 473.7195358350873,
  "summary_csf_p95": 687.2754112184048,
  "summary_csf_stdv": 65.77715507057704,
  "summary_gm_k": 0.2400439673578476,
  "summary_gm_mad": 44.16289290569287,
  "summary_gm_mean": 363.88665400232793,
  "summary_gm_median": 363.6186557337642,
  "summary_gm_n": 397200.0,
  "summary_gm_p05": 291.7911448851228,
  "summary_gm_p95": 437.19964107871056,
  "summary_gm_stdv": 44.68429028146664,
  "summary_wm_k": 5.069184705227048,
  "summary_wm_mad": 123.66251916107169,
  "summary_wm_mean": 925.4432686777686,
  "summary_wm_median": 1000.0433065593243,
  "summary_wm_n": 59005.0,
  "summary_wm_p05": 302.32065099626783,
  "summary_wm_p95": 1114.906709983945,
  "summary_wm_stdv": 231.48804062814008,
  "tpm_overlap_csf": 0.11209125854636905,
  "tpm_overlap_gm": 0.328043341388955,
  "tpm_overlap_wm": 0.03800925875624534,
  "wm2max": 0.8893594902104229
}