{
  "bids_meta": {
    "AccelFactPE": 2,
    "DeviceSerialNumber": "40482",
    "EchoTime": 0.00197,
    "FlipAngle": 9,
    "InstitutionAddress": "Frew_4805_Pittsburgh_PA_District_US_15213",
    "InstitutionName": "SIBR",
    "InversionTime": 0.9,
    "MagneticFieldStrength": 3,
    "Manufacturer": "Siemens",
    "ManufacturersModelName": "Verio",
    "PhaseEncodingDirection": "i-",
    "PhaseEncodingLines": 256,
    "RepetitionTime": 2.3,
    "ScanningSequence": "GR_IR",
    "SequenceName": "_tfl3d1_ns",
    "SequenceVariant": "SP_MP",
    "SoftwareVersions": "syngo_MR_B17",
    "dataset": "ds001233",
    "modality": "T1w",
    "session_id": "pre",
    "subject_id": "07"
  },
  "cjv": 0.3054739917347244,
  "cnr": 4.328485990622811,
  "efc": 0.5475665165848516,
  "fber": -1.0,
  "fwhm_avg": 4.108103333333333,
  "fwhm_x": 3.94715,
  "fwhm_y": 4.27966,
  "fwhm_z": 4.0975,
  "icvs_csf": 0.22176642881100042,
  "icvs_gm": 0.4582466155499406,
  "icvs_wm": 0.319986955639059,
  "inu_med": 0.580398440361023,
  "inu_range": 0.20847937464714045,
  "provenance": {
    "md5sum": "bea6d85c327ee335bbe2b62dc621f61b",
    "settings": {
      "testing": false
    },
    "software": "mriqc",
    "version": "23.0.1",
    "warnings": {
      "large_rot_frame": true,
      "small_air_mask": false
    },
    "webapi_port": null,
    "webapi_url": "https://mriqc.nimh.nih.gov/api/v1"
  },
  "qi_1": 0.0,
  "qi_2": 0.028321160675854884,
  "rpve_csf": 23.79948212155596,
  "rpve_gm": 12.050279122446234,
  "rpve_wm": 19.173430394006296,
  "size_x": 176,
  "size_y": 256,
  "size_z": 256,
  "snr_csf": 1.9576951225890664,
  "snr_gm": 9.713587009105938,
  "snr_total": 10.607161375163885,
  "snr_wm": 20.150201993796653,
  "snrd_csf": 20.935262327119016,
  "snrd_gm": 70.62693458577468,
  "snrd_total": 67.21951397679123,
  "snrd_wm": 110.09634501748002,
  "spacing_x": 1.0,
  "spacing_y": 1.0,
  "spacing_z": 1.0,
  "summary_bg_k": 28.087611073193713,
  "summary_bg_mad": 0.0,
  "summary_bg_mean": 2.88393527516063,
  "summary_bg_median": 0.0,
  "summary_bg_n": 2893921.0,
  "summary_bg_p05": 0.0,
  "summary_bg_p95": 14.884979657828808,
  "summary_bg_stdv": 5.950810374144448,
  "summary_csf_k": 1.361975821979863,
  "summary_csf_mad": 72.34220785072219,
  "summary_csf_mean": 210.64246400701177,
  "summary_csf_median": 190.1615850403905,
  "summary_csf_n": 43640.0,
  "summary_csf_p05": 84.4921592636034,
  "summary_csf_p95": 414.9884569309652,
  "summary_csf_stdv": 97.13433112258863,
  "summary_gm_k": 0.030800136759621122,
  "summary_gm_mad": 65.2023977773638,
  "summary_gm_mean": 640.7539847877327,
  "summary_gm_median": 641.5267034880817,
  "summary_gm_n": 50254.0,
  "summary_gm_p05": 530.6316150667146,
  "summary_gm_p95": 748.4418508244678,
  "summary_gm_stdv": 66.04360675543884,
  "summary_wm_k": 1.291309754739923,
  "summary_wm_mad": 44.31402781067892,
  "summary_wm_mean": 996.9719711187985,
  "summary_wm_median": 1000.039796423167,
  "summary_wm_n": 163923.0,
  "summary_wm_p05": 910.6105202436447,
  "summary_wm_p95": 1071.559337720275,
  "summary_wm_stdv": 49.62911768290929,
  "tpm_overlap_csf": 0.1605915467561507,
  "tpm_overlap_gm": 0.4865311383966567,
  "tpm_overlap_wm": 0.5113562550299198,
  "wm2max": 0.43268080646831525
}