{
  "bids_meta": {
    "AccelFactPE": 2,
    "DeviceSerialNumber": "40482",
    "EchoTime": 0.418,
    "EchoTrainLength": 147,
    "FlipAngle": 120,
    "InstitutionAddress": "Frew_4805_Pittsburgh_PA_District_US_15213",
    "InstitutionName": "SIBR",
    "MagneticFieldStrength": 3,
    "Manufacturer": "Siemens",
    "ManufacturersModelName": "Verio",
    "PhaseEncodingDirection": "i-",
    "PhaseEncodingLines": 258,
    "RepetitionTime": 3,
    "ScanningSequence": "SE",
    "SequenceName": "_spc3d1_294ns",
    "SequenceVariant": "SK_SP",
    "SoftwareVersions": "syngo_MR_B17",
    "dataset": "ds001233",
    "modality": "T2w",
    "session_id": "pre",
    "subject_id": "16"
  },
  "cjv": 0.24449690604173324,
  "cnr": 1.8599483793676717,
  "efc": 0.5848052390671755,
  "fber": -1.0,
  "fwhm_avg": 2.2182229739409585,
  "fwhm_x": 2.3144374655121944,
  "fwhm_y": 2.0970003883495147,
  "fwhm_z": 2.243231067961165,
  "icvs_csf": 0.3294610876792133,
  "icvs_gm": 0.5786916400652723,
  "icvs_wm": 0.09184727225551444,
  "inu_med": 0.8867725729942322,
  "inu_range": 0.29472379684448236,
  "provenance": {
    "md5sum": "6c34d2a5db2653ac88d04765f2d504e1",
    "settings": {
      "testing": false
    },
    "software": "mriqc",
    "version": "23.0.1",
    "warnings": {
      "large_rot_frame": true,
      "small_air_mask": false
    },
    "webapi_port": null,
    "webapi_url": "https://mriqc.nimh.nih.gov/api/v1"
  },
  "qi_1": 0.0,
  "qi_2": 0.007478333687097272,
  "rpve_csf": 9.616421337548527,
  "rpve_gm": 6.5926082114362465,
  "rpve_wm": 43.14235576427635,
  "size_x": 224,
  "size_y": 256,
  "size_z": 256,
  "snr_csf": 5.610112605185942,
  "snr_gm": 6.787794712910708,
  "snr_total": 5.168425962581835,
  "snr_wm": 3.107370569648854,
  "snrd_csf": 45.503214156536444,
  "snrd_gm": 26.733470877972934,
  "snrd_total": 46.8314874557203,
  "snrd_wm": 68.25777733265151,
  "spacing_x": 0.800000011920929,
  "spacing_y": 0.8046875,
  "spacing_z": 0.8046875,
  "summary_bg_k": 333.42166409369196,
  "summary_bg_mad": 0.0,
  "summary_bg_mean": 3.674475745537683,
  "summary_bg_median": 0.0,
  "summary_bg_n": 4011037.0,
  "summary_bg_p05": 0.0,
  "summary_bg_p95": 19.24700690433383,
  "summary_bg_stdv": 9.596312046048523,
  "summary_csf_k": 0.5267108013764705,
  "summary_csf_mad": 103.00440644689442,
  "summary_csf_mean": 682.7021295779972,
  "summary_csf_median": 666.5223335847259,
  "summary_csf_n": 54526.0,
  "summary_csf_p05": 514.1538039548323,
  "summary_csf_p95": 917.4045788124204,
  "summary_csf_stdv": 118.80621094353562,
  "summary_gm_k": 0.18972204106869706,
  "summary_gm_mad": 56.78242287458904,
  "summary_gm_mean": 392.5120608276722,
  "summary_gm_median": 391.5867422707379,
  "summary_gm_n": 451714.0,
  "summary_gm_p05": 299.50854163616896,
  "summary_gm_p95": 488.4063315577805,
  "summary_gm_stdv": 57.689768973161115,
  "summary_wm_k": 1.4144189244321188,
  "summary_wm_mad": 91.93038954936293,
  "summary_wm_mean": 872.4093328326476,
  "summary_wm_median": 999.8268007300794,
  "summary_wm_n": 13710.0,
  "summary_wm_p05": 75.03951173275709,
  "summary_wm_p95": 1125.0416789995506,
  "summary_wm_stdv": 321.74802272280544,
  "tpm_overlap_csf": 0.11915332055309458,
  "tpm_overlap_gm": 0.3615582732502988,
  "tpm_overlap_wm": 0.025490460570474025,
  "wm2max": 0.8802416895394938
}