{
  "bids_meta": {
    "AccelFactPE": 2,
    "DeviceSerialNumber": "40482",
    "EchoTime": 0.418,
    "EchoTrainLength": 147,
    "FlipAngle": 120,
    "InstitutionAddress": "Frew_4805_Pittsburgh_PA_District_US_15213",
    "InstitutionName": "SIBR",
    "MagneticFieldStrength": 3,
    "Manufacturer": "Siemens",
    "ManufacturersModelName": "Verio",
    "PhaseEncodingDirection": "i-",
    "PhaseEncodingLines": 258,
    "RepetitionTime": 3,
    "ScanningSequence": "SE",
    "SequenceName": "_spc3d1_294ns",
    "SequenceVariant": "SK_SP",
    "SoftwareVersions": "syngo_MR_B17",
    "dataset": "ds001233",
    "modality": "T2w",
    "session_id": "pre",
    "subject_id": "08"
  },
  "cjv": 0.21840091773132117,
  "cnr": 2.787688286609064,
  "efc": 0.5529550858385748,
  "fber": -1.0,
  "fwhm_avg": 2.2278407735395778,
  "fwhm_x": 2.2649374662498016,
  "fwhm_y": 2.2075401941747574,
  "fwhm_z": 2.2110446601941747,
  "icvs_csf": 0.3714200760837324,
  "icvs_gm": 0.47801582041992924,
  "icvs_wm": 0.15056410349633836,
  "inu_med": 0.8589733242988586,
  "inu_range": 0.14909306168556202,
  "provenance": {
    "md5sum": "4af0c0a952aba59c4246b6006eb1fe6c",
    "settings": {
      "testing": false
    },
    "software": "mriqc",
    "version": "23.0.1",
    "warnings": {
      "large_rot_frame": true,
      "small_air_mask": false
    },
    "webapi_port": null,
    "webapi_url": "https://mriqc.nimh.nih.gov/api/v1"
  },
  "qi_1": 0.0,
  "qi_2": 0.051052515180335885,
  "rpve_csf": 9.937281278168069,
  "rpve_gm": 8.831766492401497,
  "rpve_wm": 27.10111970170939,
  "size_x": 224,
  "size_y": 256,
  "size_z": 256,
  "snr_csf": 8.577924814009267,
  "snr_gm": 9.779334071869641,
  "snr_total": 7.5532294382067695,
  "snr_wm": 4.3024294287414,
  "snrd_csf": 83.97467809440502,
  "snrd_gm": 52.51439165025355,
  "snrd_total": 96.29934088160856,
  "snrd_wm": 152.40895290016712,
  "spacing_x": 0.800000011920929,
  "spacing_y": 0.8046875,
  "spacing_z": 0.8046875,
  "summary_bg_k": 10.510619247628565,
  "summary_bg_mad": 0.0,
  "summary_bg_mean": 2.4585827567462797,
  "summary_bg_median": 0.0,
  "summary_bg_n": 3979852.0,
  "summary_bg_p05": 0.0,
  "summary_bg_p95": 11.656968101859093,
  "summary_bg_stdv": 4.298780682896558,
  "summary_csf_k": 0.5563285384150944,
  "summary_csf_mad": 61.39168037358016,
  "summary_csf_mean": 552.8696085817018,
  "summary_csf_median": 551.0130776502192,
  "summary_csf_n": 94976.0,
  "summary_csf_p05": 451.32017798162997,
  "summary_csf_p95": 660.942713547498,
  "summary_csf_stdv": 64.23583661412172,
  "summary_gm_k": 0.1548437482897107,
  "summary_gm_mad": 34.72936929819456,
  "summary_gm_mean": 344.03753685783875,
  "summary_gm_median": 344.5814526565373,
  "summary_gm_n": 497608.0,
  "summary_gm_p05": 285.26371623948216,
  "summary_gm_p95": 400.65294479206204,
  "summary_gm_stdv": 35.23564118846293,
  "summary_wm_k": 4.1107112097328935,
  "summary_wm_mad": 108.42673170656806,
  "summary_wm_mean": 911.3326369973031,
  "summary_wm_median": 1000.0553512638435,
  "summary_wm_n": 40940.0,
  "summary_wm_p05": 318.20940678305925,
  "summary_wm_p95": 1118.9591925882733,
  "summary_wm_stdv": 232.43684854841976,
  "tpm_overlap_csf": 0.11087449457510432,
  "tpm_overlap_gm": 0.29086662827547344,
  "tpm_overlap_wm": 0.03305489384459856,
  "wm2max": 0.9079255835761412
}