{
  "bids_meta": {
    "AccelFactPE": 2,
    "DeviceSerialNumber": "40482",
    "EchoTime": 0.418,
    "EchoTrainLength": 147,
    "FlipAngle": 120,
    "InstitutionAddress": "Frew_4805_Pittsburgh_PA_District_US_15213",
    "InstitutionName": "SIBR",
    "MagneticFieldStrength": 3,
    "Manufacturer": "Siemens",
    "ManufacturersModelName": "Verio",
    "PhaseEncodingDirection": "i-",
    "PhaseEncodingLines": 258,
    "RepetitionTime": 3,
    "ScanningSequence": "SE",
    "SequenceName": "_spc3d1_294ns",
    "SequenceVariant": "SK_SP",
    "SoftwareVersions": "syngo_MR_B17",
    "dataset": "ds001233",
    "modality": "T2w",
    "session_id": "pre",
    "subject_id": "10"
  },
  "cjv": 0.20356900472639633,
  "cnr": 2.0568617550355377,
  "efc": 0.6044333032724396,
  "fber": 8920.510388989265,
  "fwhm_avg": 2.476936209116761,
  "fwhm_x": 2.529887462301739,
  "fwhm_y": 2.451224854368932,
  "fwhm_z": 2.4496963106796117,
  "icvs_csf": 0.28875843444675003,
  "icvs_gm": 0.5799280137436672,
  "icvs_wm": 0.13131355180958273,
  "inu_med": 0.8375238180160522,
  "inu_range": 0.16178028583526616,
  "provenance": {
    "md5sum": "0a87109da53fcd80b2bbd6c0c0fc9eaa",
    "settings": {
      "testing": false
    },
    "software": "mriqc",
    "version": "23.0.1",
    "warnings": {
      "large_rot_frame": false,
      "small_air_mask": false
    },
    "webapi_port": null,
    "webapi_url": "https://mriqc.nimh.nih.gov/api/v1"
  },
  "qi_1": 2.199921997051476e-06,
  "qi_2": 0.009787702675652422,
  "rpve_csf": 10.433922262509276,
  "rpve_gm": 6.701561474125582,
  "rpve_wm": 31.131617422052972,
  "size_x": 224,
  "size_y": 256,
  "size_z": 256,
  "snr_csf": 6.817648748464383,
  "snr_gm": 8.1487460860472,
  "snr_total": 6.083847357569364,
  "snr_wm": 3.2851472381965086,
  "snrd_csf": 72.14206582260424,
  "snrd_gm": 43.013058500428684,
  "snrd_total": 77.45876190609985,
  "snrd_wm": 117.22116139526662,
  "spacing_x": 0.800000011920929,
  "spacing_y": 0.8046875,
  "spacing_z": 0.8046875,
  "summary_bg_k": 1068.5570244918054,
  "summary_bg_mad": 5.58799551003821,
  "summary_bg_mean": 4.265156803703704,
  "summary_bg_median": 3.7690456956624985,
  "summary_bg_n": 2893154.0,
  "summary_bg_p05": 0.0,
  "summary_bg_p95": 12.34963908791542,
  "summary_bg_stdv": 6.614236267017019,
  "summary_csf_k": 1.1823119080656195,
  "summary_csf_mad": 77.9941500975546,
  "summary_csf_mean": 624.9324248505392,
  "summary_csf_median": 615.3368060477078,
  "summary_csf_n": 46193.0,
  "summary_csf_p05": 494.8396132327616,
  "summary_csf_p95": 789.7594196721913,
  "summary_csf_stdv": 90.25547783637998,
  "summary_gm_k": 0.20603574616267917,
  "summary_gm_mad": 44.88230436254094,
  "summary_gm_mean": 368.13052658041863,
  "summary_gm_median": 366.8805118650198,
  "summary_gm_n": 517885.0,
  "summary_gm_p05": 296.6319154947996,
  "summary_gm_p95": 443.1034466251731,
  "summary_gm_stdv": 45.02289723846453,
  "summary_wm_k": 1.9018702587761869,
  "summary_wm_mad": 83.96854955243587,
  "summary_wm_mean": 867.3442872194634,
  "summary_wm_median": 999.83961135149,
  "summary_wm_n": 35546.0,
  "summary_wm_p05": 88.75300688669086,
  "summary_wm_p95": 1075.922209303826,
  "summary_wm_stdv": 304.347255916974,
  "tpm_overlap_csf": 0.12091526412684334,
  "tpm_overlap_gm": 0.36476967846360436,
  "tpm_overlap_wm": 0.026041690850649224,
  "wm2max": 0.9189099552263557
}