{
  "bids_meta": {
    "AccelFactPE": 2,
    "DeviceSerialNumber": "40482",
    "EchoTime": 0.418,
    "EchoTrainLength": 147,
    "FlipAngle": 120,
    "InstitutionAddress": "Frew_4805_Pittsburgh_PA_District_US_15213",
    "InstitutionName": "SIBR",
    "MagneticFieldStrength": 3,
    "Manufacturer": "Siemens",
    "ManufacturersModelName": "Verio",
    "PhaseEncodingDirection": "i-",
    "PhaseEncodingLines": 258,
    "RepetitionTime": 3,
    "ScanningSequence": "SE",
    "SequenceName": "_spc3d1_294ns",
    "SequenceVariant": "SK_SP",
    "SoftwareVersions": "syngo_MR_B17",
    "dataset": "ds001233",
    "modality": "T2w",
    "session_id": "pre",
    "subject_id": "15"
  },
  "cjv": 0.19605533268301384,
  "cnr": 2.4974919767894743,
  "efc": 0.5875552844740374,
  "fber": -1.0,
  "fwhm_avg": 2.188733613564885,
  "fwhm_x": 2.220749966908247,
  "fwhm_y": 2.1545133980582527,
  "fwhm_z": 2.1909374757281554,
  "icvs_csf": 0.4296610076917802,
  "icvs_gm": 0.44504692499448034,
  "icvs_wm": 0.12529206731373949,
  "inu_med": 0.9085378646850586,
  "inu_range": 0.16647590696811676,
  "provenance": {
    "md5sum": "245cf73d3c01158f363db505f9514eca",
    "settings": {
      "testing": false
    },
    "software": "mriqc",
    "version": "23.0.1",
    "warnings": {
      "large_rot_frame": true,
      "small_air_mask": false
    },
    "webapi_port": null,
    "webapi_url": "https://mriqc.nimh.nih.gov/api/v1"
  },
  "qi_1": 0.0,
  "qi_2": 0.02474392652832521,
  "rpve_csf": 8.688493806056501,
  "rpve_gm": 8.654077442813405,
  "rpve_wm": 33.00870347733127,
  "size_x": 224,
  "size_y": 256,
  "size_z": 256,
  "snr_csf": 9.785576368937209,
  "snr_gm": 9.777429382151196,
  "snr_total": 7.796782051782692,
  "snr_wm": 3.827340404259671,
  "snrd_csf": 86.5699031140643,
  "snrd_gm": 54.39974762622151,
  "snrd_total": 100.0752939568287,
  "snrd_wm": 159.2562311302003,
  "spacing_x": 0.800000011920929,
  "spacing_y": 0.8046875,
  "spacing_z": 0.8046875,
  "summary_bg_k": 8.695560231577476,
  "summary_bg_mad": 0.0,
  "summary_bg_mean": 2.1609453872096522,
  "summary_bg_median": 0.0,
  "summary_bg_n": 2611748.0,
  "summary_bg_p05": 0.0,
  "summary_bg_p95": 11.553652413189411,
  "summary_bg_stdv": 4.113763310064565,
  "summary_csf_k": 0.6020307242832246,
  "summary_csf_mad": 52.920760915492636,
  "summary_csf_mean": 544.9371400240516,
  "summary_csf_median": 543.5938091464341,
  "summary_csf_n": 108553.0,
  "summary_csf_p05": 456.8786645807326,
  "summary_csf_p95": 638.1455045342445,
  "summary_csf_stdv": 55.550259364249776,
  "summary_gm_k": 0.6416965358797517,
  "summary_gm_mad": 32.7813193261428,
  "summary_gm_mean": 341.72453959172253,
  "summary_gm_median": 341.58945505321026,
  "summary_gm_n": 348497.0,
  "summary_gm_p05": 284.52253291010857,
  "summary_gm_p95": 399.0255034714937,
  "summary_gm_stdv": 34.93647988774155,
  "summary_wm_k": 2.444703309528358,
  "summary_wm_mad": 96.30538678494122,
  "summary_wm_mean": 877.8140508904982,
  "summary_wm_median": 1000.0092202518135,
  "summary_wm_n": 23382.0,
  "summary_wm_p05": 195.00295146871358,
  "summary_wm_p95": 1082.2588597035035,
  "summary_wm_stdv": 261.2748619752984,
  "tpm_overlap_csf": 0.10640574754672401,
  "tpm_overlap_gm": 0.2888582669272566,
  "tpm_overlap_wm": 0.0308997992056433,
  "wm2max": 0.9307309112771622
}