{
  "bids_meta": {
    "AccelFactPE": 2,
    "DeviceSerialNumber": "40482",
    "EchoTime": 0.418,
    "EchoTrainLength": 147,
    "FlipAngle": 120,
    "InstitutionAddress": "Frew_4805_Pittsburgh_PA_District_US_15213",
    "InstitutionName": "SIBR",
    "MagneticFieldStrength": 3,
    "Manufacturer": "Siemens",
    "ManufacturersModelName": "Verio",
    "PhaseEncodingDirection": "i-",
    "PhaseEncodingLines": 258,
    "RepetitionTime": 3,
    "ScanningSequence": "SE",
    "SequenceName": "_spc3d1_294ns",
    "SequenceVariant": "SK_SP",
    "SoftwareVersions": "syngo_MR_B17",
    "dataset": "ds001233",
    "modality": "T2w",
    "session_id": "pre",
    "subject_id": "11"
  },
  "cjv": 0.33086334753405255,
  "cnr": 1.9393709467019067,
  "efc": 0.6191715085538415,
  "fber": 6542.3832250000005,
  "fwhm_avg": 2.6040635951133386,
  "fwhm_x": 2.6778249600972983,
  "fwhm_y": 2.598375145631068,
  "fwhm_z": 2.5359906796116505,
  "icvs_csf": 0.3978368287054858,
  "icvs_gm": 0.47892438135109505,
  "icvs_wm": 0.12323878994341911,
  "inu_med": 0.9339154958724976,
  "inu_range": 0.287640318274498,
  "provenance": {
    "md5sum": "66cf00cd905c92a55e47f9d76f1c33cb",
    "settings": {
      "testing": false
    },
    "software": "mriqc",
    "version": "23.0.1",
    "warnings": {
      "large_rot_frame": true,
      "small_air_mask": false
    },
    "webapi_port": null,
    "webapi_url": "https://mriqc.nimh.nih.gov/api/v1"
  },
  "qi_1": 0.0,
  "qi_2": 0.012472611943129552,
  "rpve_csf": 7.742247807958084,
  "rpve_gm": 7.07339184495683,
  "rpve_wm": 28.517491065840805,
  "size_x": 224,
  "size_y": 256,
  "size_z": 256,
  "snr_csf": 9.880948245502779,
  "snr_gm": 9.225334087689392,
  "snr_total": 7.381694568305041,
  "snr_wm": 3.0388013717229527,
  "snrd_csf": 80.54489281261644,
  "snrd_gm": 50.14756631740928,
  "snrd_total": 90.34332060096625,
  "snrd_wm": 140.33750267287303,
  "spacing_x": 0.800000011920929,
  "spacing_y": 0.8046875,
  "spacing_z": 0.8046875,
  "summary_bg_k": 11.95722247077923,
  "summary_bg_mad": 0.0,
  "summary_bg_mean": 2.8157064118932085,
  "summary_bg_median": 0.0,
  "summary_bg_n": 2385767.0,
  "summary_bg_p05": 0.0,
  "summary_bg_p95": 12.404271308332682,
  "summary_bg_stdv": 4.668493094022113,
  "summary_csf_k": 0.41079484838405333,
  "summary_csf_mad": 56.2912283179057,
  "summary_csf_mean": 574.2767296187508,
  "summary_csf_median": 573.9618129208684,
  "summary_csf_n": 144472.0,
  "summary_csf_p05": 480.1639491841197,
  "summary_csf_p95": 669.765932712704,
  "summary_csf_stdv": 58.08752482503073,
  "summary_gm_k": 0.16261613723495705,
  "summary_gm_mad": 38.33240746534658,
  "summary_gm_mean": 356.85571464057665,
  "summary_gm_median": 357.35087690874934,
  "summary_gm_n": 435930.0,
  "summary_gm_p05": 292.69765758514404,
  "summary_gm_p95": 419.15650699287653,
  "summary_gm_stdv": 38.73577516433997,
  "summary_wm_k": 0.7276105178957528,
  "summary_wm_mad": 174.31090587078754,
  "summary_wm_mean": 870.3319064036853,
  "summary_wm_median": 1000.0431392006576,
  "summary_wm_n": 41541.0,
  "summary_wm_p05": 93.73314579948783,
  "summary_wm_p95": 1148.41979669407,
  "summary_wm_stdv": 329.0873538537643,
  "tpm_overlap_csf": 0.10837797610180844,
  "tpm_overlap_gm": 0.29793543089018587,
  "tpm_overlap_wm": 0.030472013617033524,
  "wm2max": 0.8802580128007559
}