{
  "bids_meta": {
    "AccelFactPE": 2,
    "DeviceSerialNumber": "40482",
    "EchoTime": 0.00197,
    "FlipAngle": 9,
    "InstitutionAddress": "Frew_4805_Pittsburgh_PA_District_US_15213",
    "InstitutionName": "SIBR",
    "InversionTime": 0.9,
    "MagneticFieldStrength": 3,
    "Manufacturer": "Siemens",
    "ManufacturersModelName": "Verio",
    "PhaseEncodingDirection": "i-",
    "PhaseEncodingLines": 256,
    "RepetitionTime": 2.3,
    "ScanningSequence": "GR_IR",
    "SequenceName": "_tfl3d1_ns",
    "SequenceVariant": "SP_MP",
    "SoftwareVersions": "syngo_MR_B17",
    "dataset": "ds001233",
    "modality": "T1w",
    "session_id": "pre",
    "subject_id": "01"
  },
  "cjv": 0.35353018478928816,
  "cnr": 3.792255448350179,
  "efc": 0.5371656279432359,
  "fber": -1.0,
  "fwhm_avg": 3.9117833333333336,
  "fwhm_x": 3.8188,
  "fwhm_y": 3.98629,
  "fwhm_z": 3.93026,
  "icvs_csf": 0.22300123488726864,
  "icvs_gm": 0.43030540949475743,
  "icvs_wm": 0.34669335561797393,
  "inu_med": 0.544938325881958,
  "inu_range": 0.1503881275653839,
  "provenance": {
    "md5sum": "b1677a599a1827d9d843590c449f2c23",
    "settings": {
      "testing": false
    },
    "software": "mriqc",
    "version": "23.0.1",
    "warnings": {
      "large_rot_frame": true,
      "small_air_mask": false
    },
    "webapi_port": null,
    "webapi_url": "https://mriqc.nimh.nih.gov/api/v1"
  },
  "qi_1": 0.0,
  "qi_2": 0.021519973306867127,
  "rpve_csf": 21.523525218153534,
  "rpve_gm": 11.672602418944013,
  "rpve_wm": 16.787747206448067,
  "size_x": 176,
  "size_y": 256,
  "size_z": 256,
  "snr_csf": 1.8432690260104914,
  "snr_gm": 9.85232052479758,
  "snr_total": 11.337417724410548,
  "snr_wm": 22.316663622423565,
  "snrd_csf": 21.927820928377656,
  "snrd_gm": 80.85133575259208,
  "snrd_total": 73.57662562378984,
  "snrd_wm": 117.95072019039978,
  "spacing_x": 1.0,
  "spacing_y": 1.0,
  "spacing_z": 1.0,
  "summary_bg_k": 8.561092513320254,
  "summary_bg_mad": 0.0,
  "summary_bg_mean": 2.861788385787963,
  "summary_bg_median": 0.0,
  "summary_bg_n": 2792155.0,
  "summary_bg_p05": 0.0,
  "summary_bg_p95": 15.778271283954382,
  "summary_bg_stdv": 5.554580002119969,
  "summary_csf_k": 42.73881516162509,
  "summary_csf_mad": 85.95690238195549,
  "summary_csf_mean": 200.63618251515496,
  "summary_csf_median": 185.91523172706366,
  "summary_csf_n": 46384.0,
  "summary_csf_p05": 72.55228555202484,
  "summary_csf_p95": 381.9567821359261,
  "summary_csf_stdv": 100.8606041792433,
  "summary_gm_k": 0.06032834344837257,
  "summary_gm_mad": 68.5322789142646,
  "summary_gm_mean": 685.2251868213575,
  "summary_gm_median": 685.4987949319184,
  "summary_gm_n": 40988.0,
  "summary_gm_p05": 570.4238369166851,
  "summary_gm_p95": 799.6946117319167,
  "summary_gm_stdv": 69.576546049909,
  "summary_wm_k": 0.49345990629028025,
  "summary_wm_mad": 42.66974723190448,
  "summary_wm_mean": 1000.2889475067036,
  "summary_wm_median": 1000.0462676249444,
  "summary_wm_n": 209087.0,
  "summary_wm_p05": 927.355170302093,
  "summary_wm_p95": 1073.709047343582,
  "summary_wm_stdv": 44.81153155696414,
  "tpm_overlap_csf": 0.17194490470671656,
  "tpm_overlap_gm": 0.4572055941290993,
  "tpm_overlap_wm": 0.5038057992610434,
  "wm2max": 0.3794283908570626
}