{
  "bids_meta": {
    "AccelFactPE": 2,
    "DeviceSerialNumber": "40482",
    "EchoTime": 0.418,
    "EchoTrainLength": 147,
    "FlipAngle": 120,
    "InstitutionAddress": "Frew_4805_Pittsburgh_PA_District_US_15213",
    "InstitutionName": "SIBR",
    "MagneticFieldStrength": 3,
    "Manufacturer": "Siemens",
    "ManufacturersModelName": "Verio",
    "PhaseEncodingDirection": "i-",
    "PhaseEncodingLines": 258,
    "RepetitionTime": 3,
    "ScanningSequence": "SE",
    "SequenceName": "_spc3d1_294ns",
    "SequenceVariant": "SK_SP",
    "SoftwareVersions": "syngo_MR_B17",
    "dataset": "ds001233",
    "modality": "T2w",
    "session_id": "pre",
    "subject_id": "01"
  },
  "cjv": 0.280017646477009,
  "cnr": 2.7488878155577487,
  "efc": 0.6074240779832263,
  "fber": 7740.462715587991,
  "fwhm_avg": 2.243905287953549,
  "fwhm_x": 2.2949624658023944,
  "fwhm_y": 2.1703083495145634,
  "fwhm_z": 2.266445048543689,
  "icvs_csf": 0.23015248604167796,
  "icvs_gm": 0.6133111075302768,
  "icvs_wm": 0.15653640642804517,
  "inu_med": 0.8610952496528625,
  "inu_range": 0.17577305436134338,
  "provenance": {
    "md5sum": "44ae0fd38d8cc7e860a01f34beabfad2",
    "settings": {
      "testing": false
    },
    "software": "mriqc",
    "version": "23.0.1",
    "warnings": {
      "large_rot_frame": true,
      "small_air_mask": false
    },
    "webapi_port": null,
    "webapi_url": "https://mriqc.nimh.nih.gov/api/v1"
  },
  "qi_1": 0.0,
  "qi_2": 0.020878149860923477,
  "rpve_csf": 11.477327750934895,
  "rpve_gm": 6.123189774909106,
  "rpve_wm": 25.0040116609711,
  "size_x": 224,
  "size_y": 256,
  "size_z": 256,
  "snr_csf": 7.0144851837889135,
  "snr_gm": 7.953512171065821,
  "snr_total": 6.505298099575143,
  "snr_wm": 4.5478969438706915,
  "snrd_csf": 82.68841234170804,
  "snrd_gm": 51.172245948710675,
  "snrd_total": 89.36295068299245,
  "snrd_wm": 134.22819375855863,
  "spacing_x": 0.800000011920929,
  "spacing_y": 0.8046875,
  "spacing_z": 0.8046875,
  "summary_bg_k": 780.5915653027392,
  "summary_bg_mad": 0.0,
  "summary_bg_mean": 2.4497200015457103,
  "summary_bg_median": 0.0,
  "summary_bg_n": 2694888.0,
  "summary_bg_p05": 0.0,
  "summary_bg_p95": 12.74193849414587,
  "summary_bg_stdv": 4.880406040279856,
  "summary_csf_k": 2.1706019336465996,
  "summary_csf_mad": 74.4251865076806,
  "summary_csf_mean": 623.4630242409863,
  "summary_csf_median": 615.9832167066634,
  "summary_csf_n": 22682.0,
  "summary_csf_p05": 495.9920659914613,
  "summary_csf_p95": 777.1940119240434,
  "summary_csf_stdv": 87.81394810000582,
  "summary_gm_k": 0.09657999404771367,
  "summary_gm_mad": 47.99308230010703,
  "summary_gm_mean": 382.27178706620793,
  "summary_gm_median": 381.2051020562649,
  "summary_gm_n": 686048.0,
  "summary_gm_p05": 305.95395124703646,
  "summary_gm_p95": 462.521836809814,
  "summary_gm_stdv": 47.92911810911774,
  "summary_wm_k": 5.476805578816483,
  "summary_wm_mad": 125.25975904156105,
  "summary_wm_mean": 941.5657581358089,
  "summary_wm_median": 999.9262559600174,
  "summary_wm_n": 72440.0,
  "summary_wm_p05": 378.73148110397165,
  "summary_wm_p95": 1134.0335790317506,
  "summary_wm_stdv": 219.86411884923464,
  "tpm_overlap_csf": 0.11719025516170237,
  "tpm_overlap_gm": 0.3723874701909388,
  "tpm_overlap_wm": 0.04364986682344566,
  "wm2max": 0.8405626471681745
}