{
  "bids_meta": {
    "AccelFactPE": 2,
    "DeviceSerialNumber": "40482",
    "EchoTime": 0.00197,
    "FlipAngle": 9,
    "InstitutionAddress": "Frew_4805_Pittsburgh_PA_District_US_15213",
    "InstitutionName": "SIBR",
    "InversionTime": 0.9,
    "MagneticFieldStrength": 3,
    "Manufacturer": "Siemens",
    "ManufacturersModelName": "Verio",
    "PhaseEncodingDirection": "i-",
    "PhaseEncodingLines": 256,
    "RepetitionTime": 2.3,
    "ScanningSequence": "GR_IR",
    "SequenceName": "_tfl3d1_ns",
    "SequenceVariant": "SP_MP",
    "SoftwareVersions": "syngo_MR_B17",
    "dataset": "ds001233",
    "modality": "T1w",
    "session_id": "pre",
    "subject_id": "15"
  },
  "cjv": 0.30937301486196805,
  "cnr": 4.28287190904244,
  "efc": 0.5288223661779712,
  "fber": 11328.188323246708,
  "fwhm_avg": 3.981263333333333,
  "fwhm_x": 3.87019,
  "fwhm_y": 4.05891,
  "fwhm_z": 4.01469,
  "icvs_csf": 0.20200669857714423,
  "icvs_gm": 0.46194038828683864,
  "icvs_wm": 0.33605291313601715,
  "inu_med": 0.5248644948005676,
  "inu_range": 0.16127920746803281,
  "provenance": {
    "md5sum": "bc896abb54d5ff3a627da0f4b5114c3b",
    "settings": {
      "testing": false
    },
    "software": "mriqc",
    "version": "23.0.1",
    "warnings": {
      "large_rot_frame": true,
      "small_air_mask": false
    },
    "webapi_port": null,
    "webapi_url": "https://mriqc.nimh.nih.gov/api/v1"
  },
  "qi_1": 0.0,
  "qi_2": 0.029321953891698907,
  "rpve_csf": 25.479271850169,
  "rpve_gm": 12.193547280786742,
  "rpve_wm": 18.98459466577879,
  "size_x": 176,
  "size_y": 256,
  "size_z": 256,
  "snr_csf": 2.0107178946690603,
  "snr_gm": 10.145233780324704,
  "snr_total": 10.37557773631112,
  "snr_wm": 18.970781533939597,
  "snrd_csf": 25.795824818212605,
  "snrd_gm": 71.35784849398719,
  "snrd_total": 69.24543558418326,
  "snrd_wm": 110.58263344034995,
  "spacing_x": 1.0,
  "spacing_y": 1.0,
  "spacing_z": 1.0,
  "summary_bg_k": 5.283329473511753,
  "summary_bg_mad": 0.0,
  "summary_bg_mean": 4.538208154389797,
  "summary_bg_median": 0.0,
  "summary_bg_n": 2734490.0,
  "summary_bg_p05": 0.0,
  "summary_bg_p95": 15.525731917470694,
  "summary_bg_stdv": 5.924628483965203,
  "summary_csf_k": -0.10093717139468605,
  "summary_csf_mad": 118.46438010876177,
  "summary_csf_mean": 251.86544337706152,
  "summary_csf_median": 233.2807007599622,
  "summary_csf_n": 24054.0,
  "summary_csf_p05": 83.47994329910726,
  "summary_csf_p95": 453.2160387337208,
  "summary_csf_stdv": 116.01620109112449,
  "summary_gm_k": -0.03228172171516874,
  "summary_gm_mad": 65.04254603007527,
  "summary_gm_mean": 644.1108396066,
  "summary_gm_median": 645.3140777125955,
  "summary_gm_n": 56288.0,
  "summary_gm_p05": 538.0756293969229,
  "summary_gm_p95": 745.6862428933382,
  "summary_gm_stdv": 63.60704537789393,
  "summary_wm_k": 1.381033854710898,
  "summary_wm_mad": 44.69933326145704,
  "summary_wm_mean": 994.4711638554116,
  "summary_wm_median": 1000.0375798270106,
  "summary_wm_n": 177467.0,
  "summary_wm_p05": 894.101714104414,
  "summary_wm_p95": 1069.809392027557,
  "summary_wm_stdv": 52.714473597349894,
  "tpm_overlap_csf": 0.14253861290923886,
  "tpm_overlap_gm": 0.47166990861609925,
  "tpm_overlap_wm": 0.4956979060997247,
  "wm2max": 0.4518846931322088
}