{
  "bids_meta": {
    "AccelFactPE": 2,
    "DeviceSerialNumber": "40482",
    "EchoTime": 0.418,
    "EchoTrainLength": 147,
    "FlipAngle": 120,
    "InstitutionAddress": "Frew_4805_Pittsburgh_PA_District_US_15213",
    "InstitutionName": "SIBR",
    "MagneticFieldStrength": 3,
    "Manufacturer": "Siemens",
    "ManufacturersModelName": "Verio",
    "PhaseEncodingDirection": "i-",
    "PhaseEncodingLines": 258,
    "RepetitionTime": 3,
    "ScanningSequence": "SE",
    "SequenceName": "_spc3d1_294ns",
    "SequenceVariant": "SK_SP",
    "SoftwareVersions": "syngo_MR_B17",
    "dataset": "ds001233",
    "modality": "T2w",
    "session_id": "pre",
    "subject_id": "06"
  },
  "cjv": 0.29566127762308536,
  "cnr": 1.3442491958583245,
  "efc": 0.5813255500060784,
  "fber": -1.0,
  "fwhm_avg": 2.171095838980622,
  "fwhm_x": 2.1207624683981767,
  "fwhm_y": 2.1973747572815534,
  "fwhm_z": 2.195150291262136,
  "icvs_csf": 0.3331549622719481,
  "icvs_gm": 0.5648289080256838,
  "icvs_wm": 0.10201612970236819,
  "inu_med": 0.7363203763961792,
  "inu_range": 0.21742185950279236,
  "provenance": {
    "md5sum": "478616bb6bb19e7b80ccf9fef48dbbf5",
    "settings": {
      "testing": false
    },
    "software": "mriqc",
    "version": "23.0.1",
    "warnings": {
      "large_rot_frame": true,
      "small_air_mask": false
    },
    "webapi_port": null,
    "webapi_url": "https://mriqc.nimh.nih.gov/api/v1"
  },
  "qi_1": 0.0,
  "qi_2": 0.022091909147347835,
  "rpve_csf": 8.93634534980202,
  "rpve_gm": 6.284048721460068,
  "rpve_wm": 36.40277353215284,
  "size_x": 224,
  "size_y": 256,
  "size_z": 256,
  "snr_csf": 6.846246053992817,
  "snr_gm": 9.247614829491916,
  "snr_total": 6.239582500539697,
  "snr_wm": 2.6248866181343593,
  "snrd_csf": 102.10742065416241,
  "snrd_gm": 65.97358140333385,
  "snrd_total": 101.5509652516061,
  "snrd_wm": 136.57189369732205,
  "spacing_x": 0.800000011920929,
  "spacing_y": 0.8046875,
  "spacing_z": 0.8046875,
  "summary_bg_k": 12.337623405310294,
  "summary_bg_mad": 0.0,
  "summary_bg_mean": 2.3415319752712613,
  "summary_bg_median": 0.0,
  "summary_bg_n": 3297154.0,
  "summary_bg_p05": 0.0,
  "summary_bg_p95": 14.54255934432149,
  "summary_bg_stdv": 4.798465167381277,
  "summary_csf_k": 0.5320453274257595,
  "summary_csf_mad": 97.92469526428037,
  "summary_csf_mean": 757.4793022516881,
  "summary_csf_median": 747.8731167130172,
  "summary_csf_n": 105107.0,
  "summary_csf_p05": 591.8863562531769,
  "summary_csf_p95": 962.8892571050674,
  "summary_csf_stdv": 109.237902513491,
  "summary_gm_k": 0.1052054945042391,
  "summary_gm_mad": 52.16229801672803,
  "summary_gm_mean": 483.8330989746558,
  "summary_gm_median": 483.21530040353537,
  "summary_gm_n": 509206.0,
  "summary_gm_p05": 399.66892561130226,
  "summary_gm_p95": 570.3658829871565,
  "summary_gm_stdv": 52.25291438210363,
  "summary_wm_k": -0.6598892607266147,
  "summary_wm_mad": 100.72076841586198,
  "summary_wm_mean": 793.8740766773731,
  "summary_wm_median": 1000.3038676371798,
  "summary_wm_n": 14502.0,
  "summary_wm_p05": 54.14798339148984,
  "summary_wm_p95": 1110.4993776543993,
  "summary_wm_stdv": 381.0714610118174,
  "tpm_overlap_csf": 0.12007721358149234,
  "tpm_overlap_gm": 0.3521240375911457,
  "tpm_overlap_wm": 0.02062295575224613,
  "wm2max": 0.9034501684393808
}