{
  "bids_meta": {
    "AccelFactPE": 2,
    "DeviceSerialNumber": "40482",
    "EchoTime": 0.00197,
    "FlipAngle": 9,
    "InstitutionAddress": "Frew_4805_Pittsburgh_PA_District_US_15213",
    "InstitutionName": "SIBR",
    "InversionTime": 0.9,
    "MagneticFieldStrength": 3,
    "Manufacturer": "Siemens",
    "ManufacturersModelName": "Verio",
    "PhaseEncodingDirection": "i-",
    "PhaseEncodingLines": 256,
    "RepetitionTime": 2.3,
    "ScanningSequence": "GR_IR",
    "SequenceName": "_tfl3d1_ns",
    "SequenceVariant": "SP_MP",
    "SoftwareVersions": "syngo_MR_B17",
    "dataset": "ds001233",
    "modality": "T1w",
    "session_id": "pre",
    "subject_id": "06"
  },
  "cjv": 0.31877382855467223,
  "cnr": 4.198529000293465,
  "efc": 0.5451983766422215,
  "fber": -1.0,
  "fwhm_avg": 3.948096666666667,
  "fwhm_x": 3.80918,
  "fwhm_y": 4.06585,
  "fwhm_z": 3.96926,
  "icvs_csf": 0.2013455505356584,
  "icvs_gm": 0.458307926506007,
  "icvs_wm": 0.3403465229583346,
  "inu_med": 0.545692503452301,
  "inu_range": 0.1822744593024253,
  "provenance": {
    "md5sum": "dc43b94b8b49db8bf86a95965f4102e9",
    "settings": {
      "testing": false
    },
    "software": "mriqc",
    "version": "23.0.1",
    "warnings": {
      "large_rot_frame": true,
      "small_air_mask": false
    },
    "webapi_port": null,
    "webapi_url": "https://mriqc.nimh.nih.gov/api/v1"
  },
  "qi_1": 0.0,
  "qi_2": 0.013243128364133563,
  "rpve_csf": 22.22046284781595,
  "rpve_gm": 10.684296260027871,
  "rpve_wm": 16.55941903191274,
  "size_x": 176,
  "size_y": 256,
  "size_z": 256,
  "snr_csf": 1.6014127066316832,
  "snr_gm": 9.134014020302628,
  "snr_total": 10.85002213216183,
  "snr_wm": 21.81463966955118,
  "snrd_csf": 22.004454515124767,
  "snrd_gm": 80.86498021558715,
  "snrd_total": 76.04081655245811,
  "snrd_wm": 125.2530149266624,
  "spacing_x": 1.0,
  "spacing_y": 1.0,
  "spacing_z": 1.0,
  "summary_bg_k": 10.74239421320046,
  "summary_bg_mad": 0.0,
  "summary_bg_mean": 2.5712799475681383,
  "summary_bg_median": 0.0,
  "summary_bg_n": 2845904.0,
  "summary_bg_p05": 0.0,
  "summary_bg_p95": 14.085075739771128,
  "summary_bg_stdv": 5.230504135355608,
  "summary_csf_k": 1.3775139875667861,
  "summary_csf_mad": 91.60804100324896,
  "summary_csf_mean": 196.61529642615176,
  "summary_csf_median": 175.68004210665822,
  "summary_csf_n": 29533.0,
  "summary_csf_p05": 60.90080026164651,
  "summary_csf_p95": 424.4652595572173,
  "summary_csf_stdv": 109.70130751012974,
  "summary_gm_k": -0.0957639126416483,
  "summary_gm_mad": 71.32383074844726,
  "summary_gm_mean": 643.5572260280131,
  "summary_gm_median": 645.6130561865866,
  "summary_gm_n": 49867.0,
  "summary_gm_p05": 522.8024960830808,
  "summary_gm_p95": 755.6300088129938,
  "summary_gm_stdv": 70.6815843909851,
  "summary_wm_k": 1.2216772529846924,
  "summary_wm_mad": 41.64545822224773,
  "summary_wm_mean": 998.2077399957491,
  "summary_wm_median": 1000.0000191405416,
  "summary_wm_n": 204162.0,
  "summary_wm_p05": 921.5029637999833,
  "summary_wm_p95": 1069.1339295767248,
  "summary_wm_stdv": 45.84066412509761,
  "tpm_overlap_csf": 0.15835180977698354,
  "tpm_overlap_gm": 0.4642953328505369,
  "tpm_overlap_wm": 0.5028366684102307,
  "wm2max": 0.4298539631965413
}