{
  "bids_meta": {
    "AccelFactPE": 2,
    "DeviceSerialNumber": "40482",
    "EchoTime": 0.00197,
    "FlipAngle": 9,
    "InstitutionAddress": "Frew_4805_Pittsburgh_PA_District_US_15213",
    "InstitutionName": "SIBR",
    "InversionTime": 0.9,
    "MagneticFieldStrength": 3,
    "Manufacturer": "Siemens",
    "ManufacturersModelName": "Verio",
    "PhaseEncodingDirection": "i-",
    "PhaseEncodingLines": 256,
    "RepetitionTime": 2.3,
    "ScanningSequence": "GR_IR",
    "SequenceName": "_tfl3d1_ns",
    "SequenceVariant": "SP_MP",
    "SoftwareVersions": "syngo_MR_B17",
    "dataset": "ds001233",
    "modality": "T1w",
    "session_id": "pre",
    "subject_id": "05"
  },
  "cjv": 0.34876857261538996,
  "cnr": 3.784816473260971,
  "efc": 0.5287882323627446,
  "fber": -1.0,
  "fwhm_avg": 3.9532366666666667,
  "fwhm_x": 3.89367,
  "fwhm_y": 4.05185,
  "fwhm_z": 3.91419,
  "icvs_csf": 0.21426118010207756,
  "icvs_gm": 0.42021476559596876,
  "icvs_wm": 0.36552405430195367,
  "inu_med": 0.5396371185779572,
  "inu_range": 0.16264399588108064,
  "provenance": {
    "md5sum": "2027dcf39ce130d55b8b154ceacd3bb4",
    "settings": {
      "testing": false
    },
    "software": "mriqc",
    "version": "23.0.1",
    "warnings": {
      "large_rot_frame": true,
      "small_air_mask": false
    },
    "webapi_port": null,
    "webapi_url": "https://mriqc.nimh.nih.gov/api/v1"
  },
  "qi_1": 0.00023117307339813476,
  "qi_2": 0.009195470376030067,
  "rpve_csf": 22.055217195992125,
  "rpve_gm": 11.776314070596626,
  "rpve_wm": 16.094096254670596,
  "size_x": 176,
  "size_y": 256,
  "size_z": 256,
  "snr_csf": 1.7827679936729997,
  "snr_gm": 9.953895606500758,
  "snr_total": 11.02657285657934,
  "snr_wm": 21.34305496956426,
  "snrd_csf": 8.791698128908488,
  "snrd_gm": 28.82142672753801,
  "snrd_total": 26.649176102974405,
  "snrd_wm": 42.334403452476714,
  "spacing_x": 1.0,
  "spacing_y": 1.0,
  "spacing_z": 1.0,
  "summary_bg_k": 302.0017197370746,
  "summary_bg_mad": 0.0,
  "summary_bg_mean": 4.447726278765145,
  "summary_bg_median": 0.0,
  "summary_bg_n": 3376489.0,
  "summary_bg_p05": 0.0,
  "summary_bg_p95": 18.459611266851425,
  "summary_bg_stdv": 15.476018258579138,
  "summary_csf_k": 21.128498259682793,
  "summary_csf_mad": 102.18436731668002,
  "summary_csf_mean": 224.91004569380297,
  "summary_csf_median": 207.68267610669136,
  "summary_csf_n": 34110.0,
  "summary_csf_p05": 72.3178165152669,
  "summary_csf_p95": 444.3103118643164,
  "summary_csf_stdv": 116.4927980049328,
  "summary_gm_k": 0.19844283362450588,
  "summary_gm_mad": 66.59848275464739,
  "summary_gm_mean": 679.2950478207645,
  "summary_gm_median": 680.8367330431938,
  "summary_gm_n": 29048.0,
  "summary_gm_p05": 564.4086391612888,
  "summary_gm_p95": 789.8592935800552,
  "summary_gm_stdv": 68.39784549584519,
  "summary_wm_k": 0.5711235353259627,
  "summary_wm_mad": 44.73245730086832,
  "summary_wm_mean": 1000.8963233770723,
  "summary_wm_median": 1000.0482354462147,
  "summary_wm_n": 234074.0,
  "summary_wm_p05": 925.9688032865524,
  "summary_wm_p95": 1078.4654352664948,
  "summary_wm_stdv": 46.855808631443075,
  "tpm_overlap_csf": 0.16830305723310926,
  "tpm_overlap_gm": 0.4632542297265385,
  "tpm_overlap_wm": 0.5203634039538645,
  "wm2max": 0.35792137364940363
}