{
  "bids_meta": {
    "AccelFactPE": 2,
    "DeviceSerialNumber": "40482",
    "EchoTime": 0.418,
    "EchoTrainLength": 147,
    "FlipAngle": 120,
    "InstitutionAddress": "Frew_4805_Pittsburgh_PA_District_US_15213",
    "InstitutionName": "SIBR",
    "MagneticFieldStrength": 3,
    "Manufacturer": "Siemens",
    "ManufacturersModelName": "Verio",
    "PhaseEncodingDirection": "i-",
    "PhaseEncodingLines": 258,
    "RepetitionTime": 3,
    "ScanningSequence": "SE",
    "SequenceName": "_spc3d1_294ns",
    "SequenceVariant": "SK_SP",
    "SoftwareVersions": "syngo_MR_B17",
    "dataset": "ds001233",
    "modality": "T2w",
    "session_id": "pre",
    "subject_id": "05"
  },
  "cjv": 0.292593499248465,
  "cnr": 2.443530632269476,
  "efc": 0.6267875799891783,
  "fber": -1.0,
  "fwhm_avg": 2.2873543896951865,
  "fwhm_x": 2.3352499652020637,
  "fwhm_y": 2.2331401941747573,
  "fwhm_z": 2.293673009708738,
  "icvs_csf": 0.3201264645516906,
  "icvs_gm": 0.5249950392027322,
  "icvs_wm": 0.15487849624557729,
  "inu_med": 0.9415459632873535,
  "inu_range": 0.35310537815094,
  "provenance": {
    "md5sum": "766ce530dd9b35d2c3b1f7677d02ec50",
    "settings": {
      "testing": false
    },
    "software": "mriqc",
    "version": "23.0.1",
    "warnings": {
      "large_rot_frame": true,
      "small_air_mask": false
    },
    "webapi_port": null,
    "webapi_url": "https://mriqc.nimh.nih.gov/api/v1"
  },
  "qi_1": 0.005596254020371604,
  "qi_2": 0.0579749337315897,
  "rpve_csf": 9.641352030872639,
  "rpve_gm": 7.018927763009456,
  "rpve_wm": 25.203751467838412,
  "size_x": 224,
  "size_y": 256,
  "size_z": 256,
  "snr_csf": 8.682437444586792,
  "snr_gm": 8.777552689714483,
  "snr_total": 7.213156750119087,
  "snr_wm": 4.179480116055987,
  "snrd_csf": 89.28679486997086,
  "snrd_gm": 57.63229094849576,
  "snrd_total": 96.46512459200108,
  "snrd_wm": 142.4762879575366,
  "spacing_x": 0.800000011920929,
  "spacing_y": 0.8046875,
  "spacing_z": 0.8046875,
  "summary_bg_k": 21.073401926830638,
  "summary_bg_mad": 0.0,
  "summary_bg_mean": 2.0825766765191025,
  "summary_bg_median": 0.0,
  "summary_bg_n": 2766048.0,
  "summary_bg_p05": 0.0,
  "summary_bg_p95": 10.425485901534557,
  "summary_bg_stdv": 4.597768794276502,
  "summary_csf_k": 0.9302578644668085,
  "summary_csf_mad": 67.42198429242306,
  "summary_csf_mean": 629.7480597054677,
  "summary_csf_median": 626.6176619008183,
  "summary_csf_n": 85958.0,
  "summary_csf_p05": 519.2182247713208,
  "summary_csf_p95": 752.2798411548138,
  "summary_csf_stdv": 72.170288698697,
  "summary_gm_k": 0.03705042731721875,
  "summary_gm_mad": 46.442271095046735,
  "summary_gm_mean": 404.3797278956696,
  "summary_gm_median": 404.46531266719103,
  "summary_gm_n": 520297.0,
  "summary_gm_p05": 328.7051691785455,
  "summary_gm_p95": 479.52397334575653,
  "summary_gm_stdv": 46.07946409185341,
  "summary_wm_k": 3.9107293482538266,
  "summary_wm_mad": 127.77900533718264,
  "summary_wm_mean": 928.3435272423537,
  "summary_wm_median": 999.9032731130719,
  "summary_wm_n": 51237.0,
  "summary_wm_p05": 305.1595358222723,
  "summary_wm_p95": 1163.9099541097878,
  "summary_wm_stdv": 239.23873009833383,
  "tpm_overlap_csf": 0.10936690340978844,
  "tpm_overlap_gm": 0.318995106441361,
  "tpm_overlap_wm": 0.033153421846323965,
  "wm2max": 0.8218581625146629
}