{
  "bids_meta": {
    "AccelFactPE": 2,
    "DeviceSerialNumber": "40482",
    "EchoTime": 0.00197,
    "FlipAngle": 9,
    "InstitutionAddress": "Frew_4805_Pittsburgh_PA_District_US_15213",
    "InstitutionName": "SIBR",
    "InversionTime": 0.9,
    "MagneticFieldStrength": 3,
    "Manufacturer": "Siemens",
    "ManufacturersModelName": "Verio",
    "PhaseEncodingDirection": "i-",
    "PhaseEncodingLines": 256,
    "RepetitionTime": 2.3,
    "ScanningSequence": "GR_IR",
    "SequenceName": "_tfl3d1_ns",
    "SequenceVariant": "SP_MP",
    "SoftwareVersions": "syngo_MR_B17",
    "dataset": "ds001233",
    "modality": "T1w",
    "session_id": "pre",
    "subject_id": "03"
  },
  "cjv": 0.2942286284963379,
  "cnr": 4.605306327848852,
  "efc": 0.5044722464967556,
  "fber": 13750.187625306304,
  "fwhm_avg": 4.100896666666666,
  "fwhm_x": 3.99683,
  "fwhm_y": 4.18064,
  "fwhm_z": 4.12522,
  "icvs_csf": 0.2067838411375462,
  "icvs_gm": 0.4697800276201096,
  "icvs_wm": 0.3234361312423442,
  "inu_med": 0.5546102523803711,
  "inu_range": 0.17454962432384485,
  "provenance": {
    "md5sum": "c664cf4dc8583631b9631babcbf8fd13",
    "settings": {
      "testing": false
    },
    "software": "mriqc",
    "version": "23.0.1",
    "warnings": {
      "large_rot_frame": true,
      "small_air_mask": false
    },
    "webapi_port": null,
    "webapi_url": "https://mriqc.nimh.nih.gov/api/v1"
  },
  "qi_1": 0.0,
  "qi_2": 0.015202566799036107,
  "rpve_csf": 28.028645355676368,
  "rpve_gm": 13.356451881393326,
  "rpve_wm": 21.67576446659824,
  "size_x": 176,
  "size_y": 256,
  "size_z": 256,
  "snr_csf": 1.8397072203861697,
  "snr_gm": 10.31833003784953,
  "snr_total": 11.246107321781869,
  "snr_wm": 21.580284707109904,
  "snrd_csf": 19.23925944081494,
  "snrd_gm": 68.06309182957365,
  "snrd_total": 64.45627062771455,
  "snrd_wm": 106.06646061275502,
  "spacing_x": 1.0,
  "spacing_y": 1.0,
  "spacing_z": 1.0,
  "summary_bg_k": 7.574637760180368,
  "summary_bg_mad": 0.0,
  "summary_bg_mean": 3.553271411854261,
  "summary_bg_median": 0.0,
  "summary_bg_n": 2564401.0,
  "summary_bg_p05": 0.0,
  "summary_bg_p95": 16.493585854768753,
  "summary_bg_stdv": 6.176659400993237,
  "summary_csf_k": 0.8961170028413119,
  "summary_csf_mad": 88.75688311038857,
  "summary_csf_mean": 190.49215709135697,
  "summary_csf_median": 181.38871949911118,
  "summary_csf_n": 34002.0,
  "summary_csf_p05": 50.66177976131439,
  "summary_csf_p95": 386.23294707983723,
  "summary_csf_stdv": 98.59506455443343,
  "summary_gm_k": -0.027113413864502167,
  "summary_gm_mad": 62.492091169559295,
  "summary_gm_mean": 640.3791431426193,
  "summary_gm_median": 641.7023020088673,
  "summary_gm_n": 65639.0,
  "summary_gm_p05": 535.4510291814804,
  "summary_gm_p95": 739.8900439739227,
  "summary_gm_stdv": 62.19004543552957,
  "summary_wm_k": 0.9244151483605072,
  "summary_wm_mad": 42.929349586045085,
  "summary_wm_mean": 999.0712571513096,
  "summary_wm_median": 1000.0000016391277,
  "summary_wm_n": 159072.0,
  "summary_wm_p05": 922.5819603800774,
  "summary_wm_p95": 1072.3681548833847,
  "summary_wm_stdv": 46.33844603885056,
  "tpm_overlap_csf": 0.16101255615542026,
  "tpm_overlap_gm": 0.48170261251162244,
  "tpm_overlap_wm": 0.5074315232060038,
  "wm2max": 0.41802267613417654
}