{
  "bids_meta": {
    "AccelFactPE": 2,
    "DeviceSerialNumber": "40482",
    "EchoTime": 0.418,
    "EchoTrainLength": 147,
    "FlipAngle": 120,
    "InstitutionAddress": "Frew_4805_Pittsburgh_PA_District_US_15213",
    "InstitutionName": "SIBR",
    "MagneticFieldStrength": 3,
    "Manufacturer": "Siemens",
    "ManufacturersModelName": "Verio",
    "PhaseEncodingDirection": "i-",
    "PhaseEncodingLines": 258,
    "RepetitionTime": 3,
    "ScanningSequence": "SE",
    "SequenceName": "_spc3d1_294ns",
    "SequenceVariant": "SK_SP",
    "SoftwareVersions": "syngo_MR_B17",
    "dataset": "ds001233",
    "modality": "T2w",
    "session_id": "pre",
    "subject_id": "04"
  },
  "cjv": 0.27623839695662444,
  "cnr": 2.3354525790578533,
  "efc": 0.609593155026905,
  "fber": 9188.73086139813,
  "fwhm_avg": 2.209856703986429,
  "fwhm_x": 2.259674966328219,
  "fwhm_y": 2.1465351456310677,
  "fwhm_z": 2.22336,
  "icvs_csf": 0.3413226407562088,
  "icvs_gm": 0.49168026031195605,
  "icvs_wm": 0.1669970989318352,
  "inu_med": 0.8628004789352417,
  "inu_range": 0.2347681045532226,
  "provenance": {
    "md5sum": "62481f8bfc65ee7c042656c2b0ac9603",
    "settings": {
      "testing": false
    },
    "software": "mriqc",
    "version": "23.0.1",
    "warnings": {
      "large_rot_frame": true,
      "small_air_mask": false
    },
    "webapi_port": null,
    "webapi_url": "https://mriqc.nimh.nih.gov/api/v1"
  },
  "qi_1": 0.0,
  "qi_2": 0.027737148508396186,
  "rpve_csf": 8.918564817112511,
  "rpve_gm": 7.096783212231663,
  "rpve_wm": 22.758916225048647,
  "size_x": 224,
  "size_y": 256,
  "size_z": 256,
  "snr_csf": 10.333431150810203,
  "snr_gm": 10.1680032956773,
  "snr_total": 8.21523785366046,
  "snr_wm": 4.144279114493872,
  "snrd_csf": 92.4860034739335,
  "snrd_gm": 61.94512860164025,
  "snrd_total": 99.73613268992825,
  "snrd_wm": 144.77726599421104,
  "spacing_x": 0.800000011920929,
  "spacing_y": 0.8046875,
  "spacing_z": 0.8046875,
  "summary_bg_k": 22.696546251049014,
  "summary_bg_mad": 0.0,
  "summary_bg_mean": 2.376058392975265,
  "summary_bg_median": 0.0,
  "summary_bg_n": 2493186.0,
  "summary_bg_p05": 0.0,
  "summary_bg_p95": 12.033106880262494,
  "summary_bg_stdv": 4.525133080169948,
  "summary_csf_k": 1.0981648995191629,
  "summary_csf_mad": 56.47858583133156,
  "summary_csf_mean": 639.9697122004254,
  "summary_csf_median": 638.8157851900905,
  "summary_csf_n": 101651.0,
  "summary_csf_p05": 542.0203698799014,
  "summary_csf_p95": 741.8930340744555,
  "summary_csf_stdv": 61.819993152138196,
  "summary_gm_k": 0.24805833852177006,
  "summary_gm_mad": 41.37567708534875,
  "summary_gm_mean": 427.758967891809,
  "summary_gm_median": 427.86502259783447,
  "summary_gm_n": 457772.0,
  "summary_gm_p05": 359.2741911392659,
  "summary_gm_p95": 496.64685575291514,
  "summary_gm_stdv": 42.07950595819304,
  "summary_wm_k": 3.4094047537751866,
  "summary_wm_mad": 116.66997006271723,
  "summary_wm_mean": 921.2466245011083,
  "summary_wm_median": 999.9999932944775,
  "summary_wm_n": 69507.0,
  "summary_wm_p05": 294.3951593162492,
  "summary_wm_p95": 1143.0814863927662,
  "summary_wm_stdv": 241.29475166170147,
  "tpm_overlap_csf": 0.10266424206461537,
  "tpm_overlap_gm": 0.3071642878811239,
  "tpm_overlap_wm": 0.03543977197100943,
  "wm2max": 0.8337166920273187
}