{
  "bids_meta": {
    "AccelFactPE": 2,
    "DeviceSerialNumber": "40482",
    "EchoTime": 0.418,
    "EchoTrainLength": 147,
    "FlipAngle": 120,
    "InstitutionAddress": "Frew_4805_Pittsburgh_PA_District_US_15213",
    "InstitutionName": "SIBR",
    "MagneticFieldStrength": 3,
    "Manufacturer": "Siemens",
    "ManufacturersModelName": "Verio",
    "PhaseEncodingDirection": "i-",
    "PhaseEncodingLines": 258,
    "RepetitionTime": 3,
    "ScanningSequence": "SE",
    "SequenceName": "_spc3d1_294ns",
    "SequenceVariant": "SK_SP",
    "SoftwareVersions": "syngo_MR_B17",
    "dataset": "ds001233",
    "modality": "T2w",
    "session_id": "pre",
    "subject_id": "09"
  },
  "cjv": 0.28043630648871354,
  "cnr": 2.4439644982812716,
  "efc": 0.5796464638469921,
  "fber": 7944.8736316292925,
  "fwhm_avg": 2.2279999969100874,
  "fwhm_x": 2.250937466458418,
  "fwhm_y": 2.1992636893203885,
  "fwhm_z": 2.233798834951456,
  "icvs_csf": 0.3525373184847734,
  "icvs_gm": 0.5071659215047944,
  "icvs_wm": 0.14029676001043212,
  "inu_med": 0.9169977605342865,
  "inu_range": 0.22750000655651093,
  "provenance": {
    "md5sum": "e185dccbd08279cb96511a316173771f",
    "settings": {
      "testing": false
    },
    "software": "mriqc",
    "version": "23.0.1",
    "warnings": {
      "large_rot_frame": true,
      "small_air_mask": false
    },
    "webapi_port": null,
    "webapi_url": "https://mriqc.nimh.nih.gov/api/v1"
  },
  "qi_1": 0.0,
  "qi_2": 0.046715863172408514,
  "rpve_csf": 9.428187889563977,
  "rpve_gm": 7.530454232622161,
  "rpve_wm": 29.61578604572136,
  "size_x": 224,
  "size_y": 256,
  "size_z": 256,
  "snr_csf": 8.401351330318548,
  "snr_gm": 8.267940155781949,
  "snr_total": 6.854957971099665,
  "snr_wm": 3.8955824271985,
  "snrd_csf": 62.22997816824954,
  "snrd_gm": 38.41409220716718,
  "snrd_total": 68.79024823515667,
  "snrd_wm": 105.72667433005327,
  "spacing_x": 0.800000011920929,
  "spacing_y": 0.8046875,
  "spacing_z": 0.8046875,
  "summary_bg_k": 2304.174966683784,
  "summary_bg_mad": 0.0,
  "summary_bg_mean": 2.8348680675124975,
  "summary_bg_median": 0.0,
  "summary_bg_n": 3031172.0,
  "summary_bg_p05": 0.0,
  "summary_bg_p95": 12.82119226641953,
  "summary_bg_stdv": 6.1980202956561365,
  "summary_csf_k": 0.7182772754289153,
  "summary_csf_mad": 65.5094183214839,
  "summary_csf_mean": 591.3110993227988,
  "summary_csf_median": 588.7364336419851,
  "summary_csf_n": 75767.0,
  "summary_csf_p05": 482.2315312067047,
  "summary_csf_p95": 710.1817336769774,
  "summary_csf_stdv": 70.0759348472214,
  "summary_gm_k": 0.11439698163038292,
  "summary_gm_mad": 43.86146185937244,
  "summary_gm_mean": 363.74784267047556,
  "summary_gm_median": 363.42252260632813,
  "summary_gm_n": 409124.0,
  "summary_gm_p05": 291.9205346610397,
  "summary_gm_p95": 435.77219268493354,
  "summary_gm_stdv": 43.955576795600194,
  "summary_wm_k": 3.2646383880796694,
  "summary_wm_mad": 134.72632410672566,
  "summary_wm_mean": 908.3061808763117,
  "summary_wm_median": 1000.2437252607197,
  "summary_wm_n": 34993.0,
  "summary_wm_p05": 208.88159288130703,
  "summary_wm_p95": 1130.9224029328675,
  "summary_wm_stdv": 256.75992019078865,
  "tpm_overlap_csf": 0.11281152338835554,
  "tpm_overlap_gm": 0.3161818413830535,
  "tpm_overlap_wm": 0.03094025078565173,
  "wm2max": 0.8825542258788333
}