{
  "bids_meta": {
    "AccelFactPE": 2,
    "DeviceSerialNumber": "40482",
    "EchoTime": 0.00197,
    "FlipAngle": 9,
    "InstitutionAddress": "Frew_4805_Pittsburgh_PA_District_US_15213",
    "InstitutionName": "SIBR",
    "InversionTime": 0.9,
    "MagneticFieldStrength": 3,
    "Manufacturer": "Siemens",
    "ManufacturersModelName": "Verio",
    "PhaseEncodingDirection": "i-",
    "PhaseEncodingLines": 256,
    "RepetitionTime": 2.3,
    "ScanningSequence": "GR_IR",
    "SequenceName": "_tfl3d1_ns",
    "SequenceVariant": "SP_MP",
    "SoftwareVersions": "syngo_MR_B17",
    "dataset": "ds001233",
    "modality": "T1w",
    "session_id": "pre",
    "subject_id": "02"
  },
  "cjv": 0.32862799958255046,
  "cnr": 4.041755341999155,
  "efc": 0.5144570334126048,
  "fber": -1.0,
  "fwhm_avg": 4.0978900000000005,
  "fwhm_x": 3.99269,
  "fwhm_y": 4.14155,
  "fwhm_z": 4.15943,
  "icvs_csf": 0.22540423357503234,
  "icvs_gm": 0.4306703679382116,
  "icvs_wm": 0.343925398486756,
  "inu_med": 0.5500693321228027,
  "inu_range": 0.15768980979919422,
  "provenance": {
    "md5sum": "d991dde7c0d0c33cc07a0637ae835965",
    "settings": {
      "testing": false
    },
    "software": "mriqc",
    "version": "23.0.1",
    "warnings": {
      "large_rot_frame": true,
      "small_air_mask": false
    },
    "webapi_port": null,
    "webapi_url": "https://mriqc.nimh.nih.gov/api/v1"
  },
  "qi_1": 6.911363640964201e-05,
  "qi_2": 0.013216356234939872,
  "rpve_csf": 21.3222556253646,
  "rpve_gm": 11.479904725428751,
  "rpve_wm": 16.768555551001047,
  "size_x": 176,
  "size_y": 256,
  "size_z": 256,
  "snr_csf": 1.4310749197246664,
  "snr_gm": 9.250223306324429,
  "snr_total": 10.88091528032811,
  "snr_wm": 21.96144761493524,
  "snrd_csf": 12.030887787702092,
  "snrd_gm": 50.92312625019579,
  "snrd_total": 46.81222601131835,
  "snrd_wm": 77.48266399605716,
  "spacing_x": 1.0,
  "spacing_y": 1.0,
  "spacing_z": 1.0,
  "summary_bg_k": 135.69657667455385,
  "summary_bg_mad": 0.0,
  "summary_bg_mean": 3.536862595767649,
  "summary_bg_median": 0.0,
  "summary_bg_n": 3212937.0,
  "summary_bg_p05": 0.0,
  "summary_bg_p95": 16.6114440895617,
  "summary_bg_stdv": 8.455642671488642,
  "summary_csf_k": 0.805071166634546,
  "summary_csf_mad": 96.32201013617356,
  "summary_csf_mean": 184.67230629332516,
  "summary_csf_median": 155.27894367277622,
  "summary_csf_n": 43248.0,
  "summary_csf_p05": 52.431269619613886,
  "summary_csf_p95": 399.2119555324316,
  "summary_csf_stdv": 108.50385700069491,
  "summary_gm_k": 0.08346942837841365,
  "summary_gm_mad": 69.76873373750406,
  "summary_gm_mean": 656.7450593359605,
  "summary_gm_median": 657.249023694545,
  "summary_gm_n": 39845.0,
  "summary_gm_p05": 538.3361578911542,
  "summary_gm_p95": 772.8933304183183,
  "summary_gm_stdv": 71.05134160613173,
  "summary_wm_k": 0.5415121791059159,
  "summary_wm_mad": 42.88354138385122,
  "summary_wm_mean": 999.2552575754293,
  "summary_wm_median": 1000.0447540171444,
  "summary_wm_n": 213639.0,
  "summary_wm_p05": 922.8978047817945,
  "summary_wm_p95": 1072.1321528963745,
  "summary_wm_stdv": 45.536270242628184,
  "tpm_overlap_csf": 0.14355047981667576,
  "tpm_overlap_gm": 0.46766114191706565,
  "tpm_overlap_wm": 0.5076081927168206,
  "wm2max": 0.38529213890182684
}