{
  "bids_meta": {
    "AccelFactPE": 2,
    "DeviceSerialNumber": "40482",
    "EchoTime": 0.418,
    "EchoTrainLength": 147,
    "FlipAngle": 120,
    "InstitutionAddress": "Frew_4805_Pittsburgh_PA_District_US_15213",
    "InstitutionName": "SIBR",
    "MagneticFieldStrength": 3,
    "Manufacturer": "Siemens",
    "ManufacturersModelName": "Verio",
    "PhaseEncodingDirection": "i-",
    "PhaseEncodingLines": 258,
    "RepetitionTime": 3,
    "ScanningSequence": "SE",
    "SequenceName": "_spc3d1_294ns",
    "SequenceVariant": "SK_SP",
    "SoftwareVersions": "syngo_MR_B17",
    "dataset": "ds001233",
    "modality": "T2w",
    "session_id": "pre",
    "subject_id": "02"
  },
  "cjv": 0.18912310132445395,
  "cnr": 1.5758555487004025,
  "efc": 0.6019786358227016,
  "fber": -1.0,
  "fwhm_avg": 2.17409798264668,
  "fwhm_x": 2.190599967357517,
  "fwhm_y": 2.123035339805825,
  "fwhm_z": 2.208658640776699,
  "icvs_csf": 0.3160661852729454,
  "icvs_gm": 0.6138669659877696,
  "icvs_wm": 0.07006684873928508,
  "inu_med": 0.844413697719574,
  "inu_range": 0.25039593577384944,
  "provenance": {
    "md5sum": "3c79d583480a1a838bfb3fcad577c58c",
    "settings": {
      "testing": false
    },
    "software": "mriqc",
    "version": "23.0.1",
    "warnings": {
      "large_rot_frame": true,
      "small_air_mask": false
    },
    "webapi_port": null,
    "webapi_url": "https://mriqc.nimh.nih.gov/api/v1"
  },
  "qi_1": 0.0,
  "qi_2": 0.012032143860248316,
  "rpve_csf": 9.162078331358359,
  "rpve_gm": 5.951455259317838,
  "rpve_wm": 49.34853142421852,
  "size_x": 224,
  "size_y": 256,
  "size_z": 256,
  "snr_csf": 4.589983729950374,
  "snr_gm": 7.716251391771802,
  "snr_total": 4.951508342135434,
  "snr_wm": 2.548289904684128,
  "snrd_csf": 96.01324391527174,
  "snrd_gm": 48.87192945533559,
  "snrd_total": 91.52498741158603,
  "snrd_wm": 129.68978886415073,
  "spacing_x": 0.800000011920929,
  "spacing_y": 0.8046875,
  "spacing_z": 0.8046875,
  "summary_bg_k": 233.43843774924102,
  "summary_bg_mad": 0.0,
  "summary_bg_mean": 2.311977892355659,
  "summary_bg_median": 0.0,
  "summary_bg_n": 2824233.0,
  "summary_bg_p05": 0.0,
  "summary_bg_p95": 14.389373771846294,
  "summary_bg_stdv": 5.051461387499482,
  "summary_csf_k": -0.6161495090241655,
  "summary_csf_mad": 196.4099943791253,
  "summary_csf_mean": 750.4724856084242,
  "summary_csf_median": 740.3148326463997,
  "summary_csf_n": 99424.0,
  "summary_csf_p05": 508.4276145910844,
  "summary_csf_p95": 981.9415249861777,
  "summary_csf_stdv": 161.288395160889,
  "summary_gm_k": 0.17342909110857496,
  "summary_gm_mad": 48.56307767566799,
  "summary_gm_mean": 378.12998716103584,
  "summary_gm_median": 376.8294122815132,
  "summary_gm_n": 606206.0,
  "summary_gm_p05": 300.721513684839,
  "summary_gm_p95": 459.94751861318946,
  "summary_gm_stdv": 48.83577301194639,
  "summary_wm_k": -0.9565964288614683,
  "summary_wm_mad": 69.28899693399438,
  "summary_wm_mean": 772.6667070469873,
  "summary_wm_median": 999.9794864095747,
  "summary_wm_n": 5509.0,
  "summary_wm_p05": 63.288647376000895,
  "summary_wm_p95": 1126.9708343669765,
  "summary_wm_stdv": 392.37636257194356,
  "tpm_overlap_csf": 0.13082348404707306,
  "tpm_overlap_gm": 0.38136550817843484,
  "tpm_overlap_wm": 0.028500488435847952,
  "wm2max": 0.9323108408238618
}