{
  "bids_meta": {
    "AccelFactPE": 2,
    "DeviceSerialNumber": "40482",
    "EchoTime": 0.00197,
    "FlipAngle": 9,
    "InstitutionAddress": "Frew_4805_Pittsburgh_PA_District_US_15213",
    "InstitutionName": "SIBR",
    "InversionTime": 0.9,
    "MagneticFieldStrength": 3,
    "Manufacturer": "Siemens",
    "ManufacturersModelName": "Verio",
    "PhaseEncodingDirection": "i-",
    "PhaseEncodingLines": 256,
    "RepetitionTime": 2.3,
    "ScanningSequence": "GR_IR",
    "SequenceName": "_tfl3d1_ns",
    "SequenceVariant": "SP_MP",
    "SoftwareVersions": "syngo_MR_B17",
    "dataset": "ds001233",
    "modality": "T1w",
    "session_id": "pre",
    "subject_id": "17"
  },
  "cjv": 0.3397276004447303,
  "cnr": 4.003457339699901,
  "efc": 0.5204983557932905,
  "fber": -1.0,
  "fwhm_avg": 3.9919700000000002,
  "fwhm_x": 3.87169,
  "fwhm_y": 4.12574,
  "fwhm_z": 3.97848,
  "icvs_csf": 0.19377500464934852,
  "icvs_gm": 0.4538615524379731,
  "icvs_wm": 0.3523634429126784,
  "inu_med": 0.5546411275863647,
  "inu_range": 0.18480703830718992,
  "provenance": {
    "md5sum": "558c77974bb64d4ca9bb3425d27a7987",
    "settings": {
      "testing": false
    },
    "software": "mriqc",
    "version": "23.0.1",
    "warnings": {
      "large_rot_frame": true,
      "small_air_mask": false
    },
    "webapi_port": null,
    "webapi_url": "https://mriqc.nimh.nih.gov/api/v1"
  },
  "qi_1": 0.0,
  "qi_2": 0.018632217110904164,
  "rpve_csf": 23.76264337608214,
  "rpve_gm": 11.346518490989776,
  "rpve_wm": 16.955116438802275,
  "size_x": 176,
  "size_y": 256,
  "size_z": 256,
  "snr_csf": 1.9178727285813773,
  "snr_gm": 9.876294928092733,
  "snr_total": 10.74188535953673,
  "snr_wm": 20.43148842193608,
  "snrd_csf": 22.62920604478341,
  "snrd_gm": 66.78052248538934,
  "snrd_total": 63.24978501032492,
  "snrd_wm": 100.33962650080198,
  "spacing_x": 1.0,
  "spacing_y": 1.0,
  "spacing_z": 1.0,
  "summary_bg_k": 22.403548536143443,
  "summary_bg_mad": 0.0,
  "summary_bg_mean": 3.2817345252209766,
  "summary_bg_median": 0.0,
  "summary_bg_n": 3386965.0,
  "summary_bg_p05": 0.0,
  "summary_bg_p95": 16.572232637554407,
  "summary_bg_stdv": 6.529467581138557,
  "summary_csf_k": 1.0026319131274297,
  "summary_csf_mad": 108.3860399687248,
  "summary_csf_mean": 244.6355859639108,
  "summary_csf_median": 225.5357315763831,
  "summary_csf_n": 21048.0,
  "summary_csf_p05": 83.79841027781367,
  "summary_csf_p95": 469.5181899704039,
  "summary_csf_stdv": 117.5940251401659,
  "summary_gm_k": 0.03340809790670818,
  "summary_gm_mad": 66.82542557512286,
  "summary_gm_mean": 665.3232288847354,
  "summary_gm_median": 665.5732403509319,
  "summary_gm_n": 44379.0,
  "summary_gm_p05": 553.8278259336948,
  "summary_gm_p95": 776.1769174039363,
  "summary_gm_stdv": 67.39022542498842,
  "summary_wm_k": 0.4586473534007576,
  "summary_wm_mad": 46.80306271376753,
  "summary_wm_mean": 999.7052872642446,
  "summary_wm_median": 1000.0426450744271,
  "summary_wm_n": 211452.0,
  "summary_wm_p05": 918.928169645369,
  "summary_wm_p95": 1079.1548199020326,
  "summary_wm_stdv": 48.94603171907277,
  "tpm_overlap_csf": 0.1571749291412875,
  "tpm_overlap_gm": 0.47966895477486304,
  "tpm_overlap_wm": 0.5289776105858636,
  "wm2max": 0.4034303784415495
}