{
  "bids_meta": {
    "AccelFactPE": 2,
    "DeviceSerialNumber": "40482",
    "EchoTime": 0.418,
    "EchoTrainLength": 147,
    "FlipAngle": 120,
    "InstitutionAddress": "Frew_4805_Pittsburgh_PA_District_US_15213",
    "InstitutionName": "SIBR",
    "MagneticFieldStrength": 3,
    "Manufacturer": "Siemens",
    "ManufacturersModelName": "Verio",
    "PhaseEncodingDirection": "i-",
    "PhaseEncodingLines": 258,
    "RepetitionTime": 3,
    "ScanningSequence": "SE",
    "SequenceName": "_spc3d1_294ns",
    "SequenceVariant": "SK_SP",
    "SoftwareVersions": "syngo_MR_B17",
    "dataset": "ds001233",
    "modality": "T2w",
    "session_id": "pre",
    "subject_id": "17"
  },
  "cjv": 0.2679534610213124,
  "cnr": 2.0322809306187763,
  "efc": 0.6019235762639072,
  "fber": -1.0,
  "fwhm_avg": 2.179992295072379,
  "fwhm_x": 2.164837467741408,
  "fwhm_y": 2.2152450485436894,
  "fwhm_z": 2.1598943689320387,
  "icvs_csf": 0.38861130198212823,
  "icvs_gm": 0.48421846783114525,
  "icvs_wm": 0.1271702301867265,
  "inu_med": 0.8919310569763184,
  "inu_range": 0.2528531551361084,
  "provenance": {
    "md5sum": "6fff5e478329fa84789364686cae036e",
    "settings": {
      "testing": false
    },
    "software": "mriqc",
    "version": "23.0.1",
    "warnings": {
      "large_rot_frame": true,
      "small_air_mask": false
    },
    "webapi_port": null,
    "webapi_url": "https://mriqc.nimh.nih.gov/api/v1"
  },
  "qi_1": 0.0,
  "qi_2": 0.012698912937816617,
  "rpve_csf": 8.431034219585852,
  "rpve_gm": 7.3578809205934155,
  "rpve_wm": 31.13122352821106,
  "size_x": 224,
  "size_y": 256,
  "size_z": 256,
  "snr_csf": 9.715976211224653,
  "snr_gm": 9.319680320805984,
  "snr_total": 7.523191700047346,
  "snr_wm": 3.5339185681114027,
  "snrd_csf": 84.23614851650856,
  "snrd_gm": 54.513510963686066,
  "snrd_total": 89.75541243056972,
  "snrd_wm": 130.51657781151454,
  "spacing_x": 0.800000011920929,
  "spacing_y": 0.8046875,
  "spacing_z": 0.8046875,
  "summary_bg_k": 20.167342402960674,
  "summary_bg_mad": 0.0,
  "summary_bg_mean": 2.3385310122234997,
  "summary_bg_median": 0.0,
  "summary_bg_n": 3373007.0,
  "summary_bg_p05": 0.0,
  "summary_bg_p95": 15.238488491624594,
  "summary_bg_stdv": 5.019564632313795,
  "summary_csf_k": 0.6791861023833046,
  "summary_csf_mad": 63.40014835319593,
  "summary_csf_mean": 647.2790132709799,
  "summary_csf_median": 645.4057381879538,
  "summary_csf_n": 113074.0,
  "summary_csf_p05": 543.4441444594413,
  "summary_csf_p95": 758.8891158979386,
  "summary_csf_stdv": 66.42697246699234,
  "summary_gm_k": 0.3429010889977442,
  "summary_gm_mad": 43.991314912381725,
  "summary_gm_mean": 418.3654673549726,
  "summary_gm_median": 417.67499350756407,
  "summary_gm_n": 372841.0,
  "summary_gm_p05": 346.6859373636544,
  "summary_gm_p95": 492.52529267035425,
  "summary_gm_stdv": 44.816390584763155,
  "summary_wm_k": 1.6793947984514332,
  "summary_wm_mad": 112.04468516305992,
  "summary_wm_mean": 878.744475238579,
  "summary_wm_median": 999.9999968148768,
  "summary_wm_n": 26417.0,
  "summary_wm_p05": 170.4026424471291,
  "summary_wm_p95": 1122.4282433792948,
  "summary_wm_stdv": 282.9666417481312,
  "tpm_overlap_csf": 0.11171062974450544,
  "tpm_overlap_gm": 0.30773637422794414,
  "tpm_overlap_wm": 0.025661417008278654,
  "wm2max": 0.8847768030850813
}