{
  "bids_meta": {
    "AccelFactPE": 2,
    "DeviceSerialNumber": "40482",
    "EchoTime": 0.418,
    "EchoTrainLength": 147,
    "FlipAngle": 120,
    "InstitutionAddress": "Frew_4805_Pittsburgh_PA_District_US_15213",
    "InstitutionName": "SIBR",
    "MagneticFieldStrength": 3,
    "Manufacturer": "Siemens",
    "ManufacturersModelName": "Verio",
    "PhaseEncodingDirection": "i-",
    "PhaseEncodingLines": 258,
    "RepetitionTime": 3,
    "ScanningSequence": "SE",
    "SequenceName": "_spc3d1_294ns",
    "SequenceVariant": "SK_SP",
    "SoftwareVersions": "syngo_MR_B17",
    "dataset": "ds001233",
    "modality": "T2w",
    "session_id": "pre",
    "subject_id": "13"
  },
  "cjv": 0.24840722036289703,
  "cnr": 1.6137179169615172,
  "efc": 0.5909879090803712,
  "fber": -1.0,
  "fwhm_avg": 2.2884428524702862,
  "fwhm_x": 2.3368749651778495,
  "fwhm_y": 2.2449211650485434,
  "fwhm_z": 2.283532427184466,
  "icvs_csf": 0.3608058744445116,
  "icvs_gm": 0.5394602759289341,
  "icvs_wm": 0.09973384962655432,
  "inu_med": 0.8659250736236572,
  "inu_range": 0.2945778310298921,
  "provenance": {
    "md5sum": "a81044d3ea168d71a1482a245e864b77",
    "settings": {
      "testing": false
    },
    "software": "mriqc",
    "version": "23.0.1",
    "warnings": {
      "large_rot_frame": true,
      "small_air_mask": false
    },
    "webapi_port": null,
    "webapi_url": "https://mriqc.nimh.nih.gov/api/v1"
  },
  "qi_1": 0.0,
  "qi_2": 0.039430090736578625,
  "rpve_csf": 9.072534438235262,
  "rpve_gm": 7.0626488642554675,
  "rpve_wm": 40.873499000030684,
  "size_x": 224,
  "size_y": 256,
  "size_z": 256,
  "snr_csf": 5.288785887972127,
  "snr_gm": 7.4180612909719965,
  "snr_total": 5.136525395875817,
  "snr_wm": 2.702729008683329,
  "snrd_csf": 54.37886027877188,
  "snrd_gm": 31.34537589184252,
  "snrd_total": 54.919229468353656,
  "snrd_wm": 79.03345223444657,
  "spacing_x": 0.800000011920929,
  "spacing_y": 0.8046875,
  "spacing_z": 0.8046875,
  "summary_bg_k": 1284.095108579628,
  "summary_bg_mad": 0.0,
  "summary_bg_mean": 2.6604656049061517,
  "summary_bg_median": 0.0,
  "summary_bg_n": 3240424.0,
  "summary_bg_p05": 0.0,
  "summary_bg_p95": 13.562309237197042,
  "summary_bg_stdv": 8.290870134366227,
  "summary_csf_k": 0.22037558077773012,
  "summary_csf_mad": 105.76358938798681,
  "summary_csf_mean": 712.5050772662371,
  "summary_csf_median": 688.1743536554277,
  "summary_csf_n": 114959.0,
  "summary_csf_p05": 537.9142841193825,
  "summary_csf_p95": 976.6818546408786,
  "summary_csf_stdv": 130.1189677737664,
  "summary_gm_k": 0.2956363666901045,
  "summary_gm_mad": 52.73839723926429,
  "summary_gm_mean": 398.9503675544801,
  "summary_gm_median": 396.6814251691103,
  "summary_gm_n": 455561.0,
  "summary_gm_p05": 315.3290631044656,
  "summary_gm_p95": 489.5327340513468,
  "summary_gm_stdv": 53.47502187327508,
  "summary_wm_k": -0.2832705953410293,
  "summary_wm_mad": 97.17567515476523,
  "summary_wm_mean": 822.5057977263175,
  "summary_wm_median": 1000.1826928658411,
  "summary_wm_n": 10354.0,
  "summary_wm_p05": 79.6242960382253,
  "summary_wm_p95": 1159.1862606549637,
  "summary_wm_stdv": 370.0461234360815,
  "tpm_overlap_csf": 0.12322877708117132,
  "tpm_overlap_gm": 0.3380340201734407,
  "tpm_overlap_wm": 0.019940479319172835,
  "wm2max": 0.8578736818818671
}