{
  "bids_meta": {
    "AccelFactPE": 2,
    "DeviceSerialNumber": "40482",
    "EchoTime": 0.00197,
    "FlipAngle": 9,
    "InstitutionAddress": "Frew_4805_Pittsburgh_PA_District_US_15213",
    "InstitutionName": "SIBR",
    "InversionTime": 0.9,
    "MagneticFieldStrength": 3,
    "Manufacturer": "Siemens",
    "ManufacturersModelName": "Verio",
    "PhaseEncodingDirection": "i-",
    "PhaseEncodingLines": 256,
    "RepetitionTime": 2.3,
    "ScanningSequence": "GR_IR",
    "SequenceName": "_tfl3d1_ns",
    "SequenceVariant": "SP_MP",
    "SoftwareVersions": "syngo_MR_B17",
    "dataset": "ds001233",
    "modality": "T1w",
    "session_id": "pre",
    "subject_id": "13"
  },
  "cjv": 0.3157212200253576,
  "cnr": 4.177142205545485,
  "efc": 0.5627637396283823,
  "fber": 11692.302862811792,
  "fwhm_avg": 3.987496666666667,
  "fwhm_x": 3.90625,
  "fwhm_y": 4.04114,
  "fwhm_z": 4.0151,
  "icvs_csf": 0.22897718612674564,
  "icvs_gm": 0.44159825858745416,
  "icvs_wm": 0.32942455528580017,
  "inu_med": 0.5970858931541443,
  "inu_range": 0.19071541726589203,
  "provenance": {
    "md5sum": "67f8c831c6c4c3b76efc58caa1c02ce3",
    "settings": {
      "testing": false
    },
    "software": "mriqc",
    "version": "23.0.1",
    "warnings": {
      "large_rot_frame": true,
      "small_air_mask": false
    },
    "webapi_port": null,
    "webapi_url": "https://mriqc.nimh.nih.gov/api/v1"
  },
  "qi_1": 0.0,
  "qi_2": 0.012630737794831808,
  "rpve_csf": 21.6469796548826,
  "rpve_gm": 11.902248645659196,
  "rpve_wm": 18.68381698502587,
  "size_x": 176,
  "size_y": 256,
  "size_z": 256,
  "snr_csf": 1.8579937904592092,
  "snr_gm": 8.90207693857649,
  "snr_total": 10.593438135052613,
  "snr_wm": 21.02024367612214,
  "snrd_csf": 17.06290344792485,
  "snrd_gm": 55.68316244689962,
  "snrd_total": 53.282463682478806,
  "snrd_wm": 87.10132515261195,
  "spacing_x": 1.0,
  "spacing_y": 1.0,
  "spacing_z": 1.0,
  "summary_bg_k": 10.159084206441824,
  "summary_bg_mad": 7.5215434328624555,
  "summary_bg_mean": 4.786990096956503,
  "summary_bg_median": 5.073203951120377,
  "summary_bg_n": 2705505.0,
  "summary_bg_p05": 0.0,
  "summary_bg_p95": 14.845080018043518,
  "summary_bg_stdv": 6.044736518549032,
  "summary_csf_k": 0.8805439714059764,
  "summary_csf_mad": 95.10461629203266,
  "summary_csf_mean": 212.37047330901558,
  "summary_csf_median": 195.89717404544353,
  "summary_csf_n": 35184.0,
  "summary_csf_p05": 70.65032348036766,
  "summary_csf_p95": 416.848825456202,
  "summary_csf_stdv": 105.43328569549527,
  "summary_gm_k": 0.11212198930690365,
  "summary_gm_mad": 69.86453765826603,
  "summary_gm_mean": 638.5335177216549,
  "summary_gm_median": 639.2917945384979,
  "summary_gm_n": 37773.0,
  "summary_gm_p05": 516.4998299121856,
  "summary_gm_p95": 754.4909774124623,
  "summary_gm_stdv": 71.81282936648692,
  "summary_wm_k": 0.8767968132855795,
  "summary_wm_mad": 44.018697137289,
  "summary_wm_mean": 998.583780588891,
  "summary_wm_median": 1000.0000002980232,
  "summary_wm_n": 191109.0,
  "summary_wm_p05": 918.5903986394405,
  "summary_wm_p95": 1073.3060949742794,
  "summary_wm_stdv": 47.57306334762294,
  "tpm_overlap_csf": 0.16154505592344254,
  "tpm_overlap_gm": 0.47383034231504323,
  "tpm_overlap_wm": 0.5200398587757341,
  "wm2max": 0.5208847609860199
}