{
  "bids_meta": {
    "AccelFactPE": 2,
    "DeviceSerialNumber": "40482",
    "EchoTime": 0.00197,
    "FlipAngle": 9,
    "InstitutionAddress": "Frew_4805_Pittsburgh_PA_District_US_15213",
    "InstitutionName": "SIBR",
    "InversionTime": 0.9,
    "MagneticFieldStrength": 3,
    "Manufacturer": "Siemens",
    "ManufacturersModelName": "Verio",
    "PhaseEncodingDirection": "i-",
    "PhaseEncodingLines": 256,
    "RepetitionTime": 2.3,
    "ScanningSequence": "GR_IR",
    "SequenceName": "_tfl3d1_ns",
    "SequenceVariant": "SP_MP",
    "SoftwareVersions": "syngo_MR_B17",
    "dataset": "ds001233",
    "modality": "T1w",
    "session_id": "pre",
    "subject_id": "10"
  },
  "cjv": 0.36550007545541324,
  "cnr": 3.7340552509737006,
  "efc": 0.5486763815048288,
  "fber": -1.0,
  "fwhm_avg": 3.97626,
  "fwhm_x": 3.95998,
  "fwhm_y": 4.02138,
  "fwhm_z": 3.94742,
  "icvs_csf": 0.22260808739497526,
  "icvs_gm": 0.42035625060626713,
  "icvs_wm": 0.3570356619987576,
  "inu_med": 0.5236926674842834,
  "inu_range": 0.15381960868835454,
  "provenance": {
    "md5sum": "fe9c9245666c2f020dc26d19a2a59801",
    "settings": {
      "testing": false
    },
    "software": "mriqc",
    "version": "23.0.1",
    "warnings": {
      "large_rot_frame": true,
      "small_air_mask": false
    },
    "webapi_port": null,
    "webapi_url": "https://mriqc.nimh.nih.gov/api/v1"
  },
  "qi_1": 2.0453822187704728e-05,
  "qi_2": 0.018287177223417165,
  "rpve_csf": 22.75904256482551,
  "rpve_gm": 12.49157348427087,
  "rpve_wm": 17.32359282487345,
  "size_x": 176,
  "size_y": 256,
  "size_z": 256,
  "snr_csf": 1.778630956334224,
  "snr_gm": 8.986604729262812,
  "snr_total": 10.288629833045432,
  "snr_wm": 20.100653813539264,
  "snrd_csf": 18.063313034151637,
  "snrd_gm": 63.213721463892476,
  "snrd_total": 58.74120106136496,
  "snrd_wm": 94.94656868605077,
  "spacing_x": 1.0,
  "spacing_y": 1.0,
  "spacing_z": 1.0,
  "summary_bg_k": 45.3277595387374,
  "summary_bg_mad": 0.0,
  "summary_bg_mean": 3.3794631413043503,
  "summary_bg_median": 0.0,
  "summary_bg_n": 3084808.0,
  "summary_bg_p05": 0.0,
  "summary_bg_p95": 15.633422672748566,
  "summary_bg_stdv": 6.900339369373452,
  "summary_csf_k": 22.797876401786628,
  "summary_csf_mad": 90.99113465100834,
  "summary_csf_mean": 206.69427948743242,
  "summary_csf_median": 190.25502181053162,
  "summary_csf_n": 36091.0,
  "summary_csf_p05": 72.02985459566116,
  "summary_csf_p95": 403.2966901957989,
  "summary_csf_stdv": 106.96563294735603,
  "summary_gm_k": -0.10398473965362465,
  "summary_gm_mad": 75.00620559069607,
  "summary_gm_mean": 664.841392971991,
  "summary_gm_median": 665.8096404075623,
  "summary_gm_n": 34745.0,
  "summary_gm_p05": 539.5396880507469,
  "summary_gm_p95": 784.5655975699423,
  "summary_gm_stdv": 74.08805427895976,
  "summary_wm_k": 0.6033847055195216,
  "summary_wm_mad": 47.15554072792121,
  "summary_wm_mean": 999.1747221824402,
  "summary_wm_median": 1000.0414354801178,
  "summary_wm_n": 205215.0,
  "summary_wm_p05": 916.8566983938217,
  "summary_wm_p95": 1078.4573566317558,
  "summary_wm_stdv": 49.751565704471,
  "tpm_overlap_csf": 0.17459191154541323,
  "tpm_overlap_gm": 0.4703666966245051,
  "tpm_overlap_wm": 0.5235942876595314,
  "wm2max": 0.42396789897058745
}