{
  "bids_meta": {
    "AccelFactPE": 2,
    "DeviceSerialNumber": "40482",
    "EchoTime": 0.00197,
    "FlipAngle": 9,
    "InstitutionAddress": "Frew_4805_Pittsburgh_PA_District_US_15213",
    "InstitutionName": "SIBR",
    "InversionTime": 0.9,
    "MagneticFieldStrength": 3,
    "Manufacturer": "Siemens",
    "ManufacturersModelName": "Verio",
    "PhaseEncodingDirection": "i-",
    "PhaseEncodingLines": 256,
    "RepetitionTime": 2.3,
    "ScanningSequence": "GR_IR",
    "SequenceName": "_tfl3d1_ns",
    "SequenceVariant": "SP_MP",
    "SoftwareVersions": "syngo_MR_B17",
    "dataset": "ds001233",
    "modality": "T1w",
    "session_id": "pre",
    "subject_id": "11"
  },
  "cjv": 0.3515406418292853,
  "cnr": 3.843699818485938,
  "efc": 0.5705670523213041,
  "fber": -1.0,
  "fwhm_avg": 4.037249999999999,
  "fwhm_x": 4.00693,
  "fwhm_y": 4.14455,
  "fwhm_z": 3.96027,
  "icvs_csf": 0.19321156888109609,
  "icvs_gm": 0.4426124951670882,
  "icvs_wm": 0.3641759359518157,
  "inu_med": 0.5513141751289368,
  "inu_range": 0.1879068791866303,
  "provenance": {
    "md5sum": "31af3d2fa00853f6609ee0ba9f916ae6",
    "settings": {
      "testing": false
    },
    "software": "mriqc",
    "version": "23.0.1",
    "warnings": {
      "large_rot_frame": true,
      "small_air_mask": false
    },
    "webapi_port": null,
    "webapi_url": "https://mriqc.nimh.nih.gov/api/v1"
  },
  "qi_1": 0.0,
  "qi_2": 0.015492484747571382,
  "rpve_csf": 22.50932795037172,
  "rpve_gm": 10.833538015493453,
  "rpve_wm": 15.53298863611696,
  "size_x": 176,
  "size_y": 256,
  "size_z": 256,
  "snr_csf": 2.062771645171823,
  "snr_gm": 9.800721638390804,
  "snr_total": 11.069091731502631,
  "snr_wm": 21.343781910945268,
  "snrd_csf": 21.911565590753746,
  "snrd_gm": 67.67628401255055,
  "snrd_total": 63.140003321768035,
  "snrd_wm": 99.83216036199981,
  "spacing_x": 1.0,
  "spacing_y": 1.0,
  "spacing_z": 1.0,
  "summary_bg_k": 8.674629913607939,
  "summary_bg_mad": 0.0,
  "summary_bg_mean": 3.665402029203909,
  "summary_bg_median": 0.0,
  "summary_bg_n": 2454314.0,
  "summary_bg_p05": 0.0,
  "summary_bg_p95": 17.494782656431198,
  "summary_bg_stdv": 6.562378275358366,
  "summary_csf_k": 1.3159162053827904,
  "summary_csf_mad": 91.440632413228,
  "summary_csf_mean": 240.12264263500788,
  "summary_csf_median": 219.48403723537922,
  "summary_csf_n": 26969.0,
  "summary_csf_p05": 98.88548471033573,
  "summary_csf_p95": 448.83442144095886,
  "summary_csf_stdv": 106.40051627630987,
  "summary_gm_k": 0.016909669092336266,
  "summary_gm_mad": 68.2677723632235,
  "summary_gm_mean": 677.851715136765,
  "summary_gm_median": 677.9006264358759,
  "summary_gm_n": 39899.0,
  "summary_gm_p05": 563.6517031490803,
  "summary_gm_p95": 792.6424230411648,
  "summary_gm_stdv": 69.16757318349046,
  "summary_wm_k": 0.5303298118672854,
  "summary_wm_mad": 44.96324833566214,
  "summary_wm_mean": 1000.6660327433323,
  "summary_wm_median": 1000.0000005215406,
  "summary_wm_n": 235832.0,
  "summary_wm_p05": 925.4917637258768,
  "summary_wm_p95": 1077.8384624421597,
  "summary_wm_stdv": 46.851953629321685,
  "tpm_overlap_csf": 0.17472320842126812,
  "tpm_overlap_gm": 0.4795910492604533,
  "tpm_overlap_wm": 0.5245146706998601,
  "wm2max": 0.4194648958906587
}