{
  "bids_meta": {
    "AccelFactPE": 2,
    "DeviceSerialNumber": "40482",
    "EchoTime": 0.00197,
    "FlipAngle": 9,
    "InstitutionAddress": "Frew_4805_Pittsburgh_PA_District_US_15213",
    "InstitutionName": "SIBR",
    "InversionTime": 0.9,
    "MagneticFieldStrength": 3,
    "Manufacturer": "Siemens",
    "ManufacturersModelName": "Verio",
    "PhaseEncodingDirection": "i-",
    "PhaseEncodingLines": 256,
    "RepetitionTime": 2.3,
    "ScanningSequence": "GR_IR",
    "SequenceName": "_tfl3d1_ns",
    "SequenceVariant": "SP_MP",
    "SoftwareVersions": "syngo_MR_B17",
    "dataset": "ds001233",
    "modality": "T1w",
    "session_id": "pre",
    "subject_id": "18"
  },
  "cjv": 0.31766705786219745,
  "cnr": 4.20116787162387,
  "efc": 0.5210538023510652,
  "fber": 12764.73620505518,
  "fwhm_avg": 4.008203333333333,
  "fwhm_x": 3.9425,
  "fwhm_y": 4.10004,
  "fwhm_z": 3.98207,
  "icvs_csf": 0.20539694931131425,
  "icvs_gm": 0.4397598811250549,
  "icvs_wm": 0.3548431695636308,
  "inu_med": 0.48732203245162964,
  "inu_range": 0.13509402871131904,
  "provenance": {
    "md5sum": "47438188229d4c38bd991bc2388390c4",
    "settings": {
      "testing": false
    },
    "software": "mriqc",
    "version": "23.0.1",
    "warnings": {
      "large_rot_frame": true,
      "small_air_mask": false
    },
    "webapi_port": null,
    "webapi_url": "https://mriqc.nimh.nih.gov/api/v1"
  },
  "qi_1": 0.0,
  "qi_2": 0.016009832967551176,
  "rpve_csf": 22.99979482227989,
  "rpve_gm": 11.561122005754816,
  "rpve_wm": 17.160871844805634,
  "size_x": 176,
  "size_y": 256,
  "size_z": 256,
  "snr_csf": 1.8838215451250504,
  "snr_gm": 9.689001173055555,
  "snr_total": 11.98437029761351,
  "snr_wm": 24.38028817465992,
  "snrd_csf": 21.63443869793199,
  "snrd_gm": 66.87753435086307,
  "snrd_total": 63.08945852547982,
  "snrd_wm": 100.7564025276444,
  "spacing_x": 1.0,
  "spacing_y": 1.0,
  "spacing_z": 1.0,
  "summary_bg_k": 4.982961300926444,
  "summary_bg_mad": 6.502181148927614,
  "summary_bg_mean": 4.361324022553484,
  "summary_bg_median": 4.385654538869858,
  "summary_bg_n": 3001955.0,
  "summary_bg_p05": 0.0,
  "summary_bg_p95": 14.74853179603815,
  "summary_bg_stdv": 5.519120172046999,
  "summary_csf_k": -0.011113638667373582,
  "summary_csf_mad": 109.38346674728228,
  "summary_csf_mean": 238.18507443717908,
  "summary_csf_median": 214.72023149579763,
  "summary_csf_n": 26758.0,
  "summary_csf_p05": 84.10023101009429,
  "summary_csf_p95": 452.75340000204733,
  "summary_csf_stdv": 113.97906545426798,
  "summary_gm_k": 0.009447874604485484,
  "summary_gm_mad": 68.37777595323878,
  "summary_gm_mean": 662.1232624760502,
  "summary_gm_median": 663.754667185247,
  "summary_gm_n": 42038.0,
  "summary_gm_p05": 546.4331030432135,
  "summary_gm_p95": 771.0723411150278,
  "summary_gm_stdv": 68.50518031576641,
  "summary_wm_k": 0.7689627798918681,
  "summary_wm_mad": 38.4362805013221,
  "summary_wm_mean": 998.8536705527473,
  "summary_wm_median": 999.9999712258577,
  "summary_wm_n": 207897.0,
  "summary_wm_p05": 930.1478122398257,
  "summary_wm_p95": 1063.5919620394707,
  "summary_wm_stdv": 41.01664258527059,
  "tpm_overlap_csf": 0.16284603094302,
  "tpm_overlap_gm": 0.4832212596155483,
  "tpm_overlap_wm": 0.5296302898131635,
  "wm2max": 0.4726368086433884
}