{
  "bids_meta": {
    "AccelFactPE": 2,
    "DeviceSerialNumber": "40482",
    "EchoTime": 0.00197,
    "FlipAngle": 9,
    "InstitutionAddress": "Frew_4805_Pittsburgh_PA_District_US_15213",
    "InstitutionName": "SIBR",
    "InversionTime": 0.9,
    "MagneticFieldStrength": 3,
    "Manufacturer": "Siemens",
    "ManufacturersModelName": "Verio",
    "PhaseEncodingDirection": "i-",
    "PhaseEncodingLines": 256,
    "RepetitionTime": 2.3,
    "ScanningSequence": "GR_IR",
    "SequenceName": "_tfl3d1_ns",
    "SequenceVariant": "SP_MP",
    "SoftwareVersions": "syngo_MR_B17",
    "dataset": "ds001233",
    "modality": "T1w",
    "session_id": "pre",
    "subject_id": "12"
  },
  "cjv": 0.3289140768843781,
  "cnr": 4.059515691452427,
  "efc": 0.543804403486117,
  "fber": -1.0,
  "fwhm_avg": 4.017026666666666,
  "fwhm_x": 3.94432,
  "fwhm_y": 4.16231,
  "fwhm_z": 3.94445,
  "icvs_csf": 0.20400633273189092,
  "icvs_gm": 0.4480677570665828,
  "icvs_wm": 0.34792591020152625,
  "inu_med": 0.594542920589447,
  "inu_range": 0.18197970688343046,
  "provenance": {
    "md5sum": "d2e6d64739382f71090eefb24f9ef13b",
    "settings": {
      "testing": false
    },
    "software": "mriqc",
    "version": "23.0.1",
    "warnings": {
      "large_rot_frame": true,
      "small_air_mask": false
    },
    "webapi_port": null,
    "webapi_url": "https://mriqc.nimh.nih.gov/api/v1"
  },
  "qi_1": 7.315583942400303e-05,
  "qi_2": 0.023265721774498052,
  "rpve_csf": 22.751227059750054,
  "rpve_gm": 11.30592679600633,
  "rpve_wm": 16.652027926063695,
  "size_x": 176,
  "size_y": 256,
  "size_z": 256,
  "snr_csf": 1.9445035198418386,
  "snr_gm": 9.524588078349215,
  "snr_total": 10.468796214315462,
  "snr_wm": 19.937297044755333,
  "snrd_csf": 16.60074825152037,
  "snrd_gm": 55.764619730158905,
  "snrd_total": 52.56331041761002,
  "snrd_wm": 85.32456327115078,
  "spacing_x": 1.0,
  "spacing_y": 1.0,
  "spacing_z": 1.0,
  "summary_bg_k": 18.563235125541816,
  "summary_bg_mad": 0.0,
  "summary_bg_mean": 4.108403731138889,
  "summary_bg_median": 0.0,
  "summary_bg_n": 2555373.0,
  "summary_bg_p05": 0.0,
  "summary_bg_p95": 18.61130952835083,
  "summary_bg_stdv": 7.678512142469502,
  "summary_csf_k": 1.119605352847734,
  "summary_csf_mad": 88.35120393343385,
  "summary_csf_mean": 210.9389446567774,
  "summary_csf_median": 194.56871427595615,
  "summary_csf_n": 30712.0,
  "summary_csf_p05": 75.74266113340855,
  "summary_csf_p95": 406.9635734595357,
  "summary_csf_stdv": 100.0592411540562,
  "summary_gm_k": 0.1386068974105763,
  "summary_gm_mad": 66.7277110788547,
  "summary_gm_mean": 653.9228397313354,
  "summary_gm_median": 653.5880310088396,
  "summary_gm_n": 37358.0,
  "summary_gm_p05": 540.4370851106942,
  "summary_gm_p95": 767.2243920713663,
  "summary_gm_stdv": 68.62021516757628,
  "summary_wm_k": 0.6076003232964262,
  "summary_wm_mad": 47.2267696701238,
  "summary_wm_mean": 998.89051489987,
  "summary_wm_median": 1000.0447160750628,
  "summary_wm_n": 210234.0,
  "summary_wm_p05": 914.2805805802345,
  "summary_wm_p95": 1078.6506555974483,
  "summary_wm_stdv": 50.15937393211898,
  "tpm_overlap_csf": 0.17570767621326575,
  "tpm_overlap_gm": 0.47730249285134163,
  "tpm_overlap_wm": 0.5252839046843439,
  "wm2max": 0.3645065553453786
}