{
  "bids_meta": {
    "AccelFactPE": 2,
    "DeviceSerialNumber": "40482",
    "EchoTime": 0.418,
    "EchoTrainLength": 147,
    "FlipAngle": 120,
    "InstitutionAddress": "Frew_4805_Pittsburgh_PA_District_US_15213",
    "InstitutionName": "SIBR",
    "MagneticFieldStrength": 3,
    "Manufacturer": "Siemens",
    "ManufacturersModelName": "Verio",
    "PhaseEncodingDirection": "i-",
    "PhaseEncodingLines": 258,
    "RepetitionTime": 3,
    "ScanningSequence": "SE",
    "SequenceName": "_spc3d1_294ns",
    "SequenceVariant": "SK_SP",
    "SoftwareVersions": "syngo_MR_B17",
    "dataset": "ds001233",
    "modality": "T2w",
    "session_id": "pre",
    "subject_id": "12"
  },
  "cjv": 0.3238796978560276,
  "cnr": 2.3312892559831413,
  "efc": 0.6296344477267646,
  "fber": 9253.453359631822,
  "fwhm_avg": 2.285080490102878,
  "fwhm_x": 2.318324965454266,
  "fwhm_y": 2.286800776699029,
  "fwhm_z": 2.2501157281553397,
  "icvs_csf": 0.3388669873186684,
  "icvs_gm": 0.5270336082364494,
  "icvs_wm": 0.1340994044448822,
  "inu_med": 0.9136822819709778,
  "inu_range": 0.26258582472801206,
  "provenance": {
    "md5sum": "35b7f4ef652b1bfd769e42589959ef47",
    "settings": {
      "testing": false
    },
    "software": "mriqc",
    "version": "23.0.1",
    "warnings": {
      "large_rot_frame": true,
      "small_air_mask": false
    },
    "webapi_port": null,
    "webapi_url": "https://mriqc.nimh.nih.gov/api/v1"
  },
  "qi_1": 0.0005125871976044226,
  "qi_2": 0.003175322012860527,
  "rpve_csf": 8.973229664847574,
  "rpve_gm": 6.724168272896027,
  "rpve_wm": 28.710374060633153,
  "size_x": 224,
  "size_y": 256,
  "size_z": 256,
  "snr_csf": 8.603811751714138,
  "snr_gm": 7.944272940487396,
  "snr_total": 6.830534818945909,
  "snr_wm": 3.9435197646361946,
  "snrd_csf": 24.253877286253267,
  "snrd_gm": 15.019895241023667,
  "snrd_total": 25.728865882108593,
  "snrd_wm": 37.912825119048854,
  "spacing_x": 0.800000011920929,
  "spacing_y": 0.8046875,
  "spacing_z": 0.8046875,
  "summary_bg_k": 1518.2812628509396,
  "summary_bg_mad": 0.0,
  "summary_bg_mean": 3.5646832039927348,
  "summary_bg_median": 0.0,
  "summary_bg_n": 2824225.0,
  "summary_bg_p05": 0.0,
  "summary_bg_p95": 17.544054225087166,
  "summary_bg_stdv": 17.284852607196566,
  "summary_csf_k": 1.1983483099349357,
  "summary_csf_mad": 67.56917863094002,
  "summary_csf_mean": 642.8835422001814,
  "summary_csf_median": 639.9044443964958,
  "summary_csf_n": 96550.0,
  "summary_csf_p05": 528.4012498259544,
  "summary_csf_p95": 768.9196139000356,
  "summary_csf_stdv": 74.37414357774378,
  "summary_gm_k": 0.17707125261464318,
  "summary_gm_mad": 49.56166452007299,
  "summary_gm_mean": 397.7330256698629,
  "summary_gm_median": 396.27881371974945,
  "summary_gm_n": 467447.0,
  "summary_gm_p05": 318.4256903678179,
  "summary_gm_p95": 481.5654833763838,
  "summary_gm_stdv": 49.8822727784511,
  "summary_wm_k": 3.299226200038981,
  "summary_wm_mad": 146.06094778814364,
  "summary_wm_mean": 915.6086728044183,
  "summary_wm_median": 1000.276574626565,
  "summary_wm_n": 39955.0,
  "summary_wm_p05": 238.07480696290733,
  "summary_wm_p95": 1152.715158267319,
  "summary_wm_stdv": 253.64753233361944,
  "tpm_overlap_csf": 0.10860006870590554,
  "tpm_overlap_gm": 0.32957614552531084,
  "tpm_overlap_wm": 0.03052915264507883,
  "wm2max": 0.8526893482196741
}