{
  "bids_meta": {
    "AccelFactPE": 2,
    "DeviceSerialNumber": "40482",
    "EchoTime": 0.00197,
    "FlipAngle": 9,
    "InstitutionAddress": "Frew_4805_Pittsburgh_PA_District_US_15213",
    "InstitutionName": "SIBR",
    "InversionTime": 0.9,
    "MagneticFieldStrength": 3,
    "Manufacturer": "Siemens",
    "ManufacturersModelName": "Verio",
    "PhaseEncodingDirection": "i-",
    "PhaseEncodingLines": 256,
    "RepetitionTime": 2.3,
    "ScanningSequence": "GR_IR",
    "SequenceName": "_tfl3d1_ns",
    "SequenceVariant": "SP_MP",
    "SoftwareVersions": "syngo_MR_B17",
    "dataset": "ds001233",
    "modality": "T1w",
    "session_id": "pre",
    "subject_id": "14"
  },
  "cjv": 0.34068088296690574,
  "cnr": 3.9880396759169163,
  "efc": 0.4926758522839564,
  "fber": 11876.781019771071,
  "fwhm_avg": 3.82344,
  "fwhm_x": 3.81238,
  "fwhm_y": 3.77149,
  "fwhm_z": 3.88645,
  "icvs_csf": 0.21981476075504505,
  "icvs_gm": 0.44315895830582874,
  "icvs_wm": 0.3370262809391262,
  "inu_med": 0.5655116140842438,
  "inu_range": 0.1652204617857933,
  "provenance": {
    "md5sum": "9bb92eeeceb034e16f3a3dab604c33dd",
    "settings": {
      "testing": false
    },
    "software": "mriqc",
    "version": "23.0.1",
    "warnings": {
      "large_rot_frame": true,
      "small_air_mask": false
    },
    "webapi_port": null,
    "webapi_url": "https://mriqc.nimh.nih.gov/api/v1"
  },
  "qi_1": 0.0,
  "qi_2": 0.01585755764229424,
  "rpve_csf": 25.569717673063398,
  "rpve_gm": 13.382258477873942,
  "rpve_wm": 20.40640229250841,
  "size_x": 176,
  "size_y": 256,
  "size_z": 256,
  "snr_csf": 1.882627369724094,
  "snr_gm": 9.667537422669197,
  "snr_total": 11.056213388636664,
  "snr_wm": 21.6184753735167,
  "snrd_csf": 21.843940135595272,
  "snrd_gm": 67.62660422373155,
  "snrd_total": 63.592205761465685,
  "snrd_wm": 101.30607292507024,
  "spacing_x": 1.0,
  "spacing_y": 1.0,
  "spacing_z": 1.0,
  "summary_bg_k": 12.233007817170531,
  "summary_bg_mad": 0.0,
  "summary_bg_mean": 4.725563875206928,
  "summary_bg_median": 0.0,
  "summary_bg_n": 3229144.0,
  "summary_bg_p05": 0.0,
  "summary_bg_p95": 15.815272219479084,
  "summary_bg_stdv": 6.467149484379591,
  "summary_csf_k": 3.4718955387701813,
  "summary_csf_mad": 106.16781321909528,
  "summary_csf_mean": 237.26698883306423,
  "summary_csf_median": 215.6314718350768,
  "summary_csf_n": 26345.0,
  "summary_csf_p05": 84.6059623286128,
  "summary_csf_p95": 449.32222303748125,
  "summary_csf_stdv": 114.53534714758895,
  "summary_gm_k": -0.0447000415963692,
  "summary_gm_mad": 68.86714301324201,
  "summary_gm_mean": 665.9240016833601,
  "summary_gm_median": 667.5729796662927,
  "summary_gm_n": 29849.0,
  "summary_gm_p05": 548.8397277444601,
  "summary_gm_p95": 777.4450839087366,
  "summary_gm_stdv": 69.05189686731343,
  "summary_wm_k": 0.4026973261186271,
  "summary_wm_mad": 44.397449164348934,
  "summary_wm_mean": 999.8265408852573,
  "summary_wm_median": 1000.0383390113711,
  "summary_wm_n": 166850.0,
  "summary_wm_p05": 923.3361834287643,
  "summary_wm_p95": 1074.8641063645482,
  "summary_wm_stdv": 46.258365814891754,
  "tpm_overlap_csf": 0.15680598947833568,
  "tpm_overlap_gm": 0.4784575754562569,
  "tpm_overlap_wm": 0.5150861032477907,
  "wm2max": 0.4405017722542373
}