{
  "bids_meta": {
    "AccelFactPE": 2,
    "DeviceSerialNumber": "40482",
    "EchoTime": 0.418,
    "EchoTrainLength": 147,
    "FlipAngle": 120,
    "InstitutionAddress": "Frew_4805_Pittsburgh_PA_District_US_15213",
    "InstitutionName": "SIBR",
    "MagneticFieldStrength": 3,
    "Manufacturer": "Siemens",
    "ManufacturersModelName": "Verio",
    "PhaseEncodingDirection": "i-",
    "PhaseEncodingLines": 258,
    "RepetitionTime": 3,
    "ScanningSequence": "SE",
    "SequenceName": "_spc3d1_294ns",
    "SequenceVariant": "SK_SP",
    "SoftwareVersions": "syngo_MR_B17",
    "dataset": "ds001233",
    "modality": "T2w",
    "session_id": "pre",
    "subject_id": "14"
  },
  "cjv": 0.3325993693973077,
  "cnr": 2.225402076767705,
  "efc": 0.5332733141854521,
  "fber": -1.0,
  "fwhm_avg": 2.171585595613354,
  "fwhm_x": 2.2513874664517126,
  "fwhm_y": 2.066156116504854,
  "fwhm_z": 2.197213203883495,
  "icvs_csf": 0.3273093581257271,
  "icvs_gm": 0.5138304944750973,
  "icvs_wm": 0.15886014739917556,
  "inu_med": 0.891858696937561,
  "inu_range": 0.21106517910957323,
  "provenance": {
    "md5sum": "684c27624b3c9d0662aa21819d8cdf82",
    "settings": {
      "testing": false
    },
    "software": "mriqc",
    "version": "23.0.1",
    "warnings": {
      "large_rot_frame": true,
      "small_air_mask": false
    },
    "webapi_port": null,
    "webapi_url": "https://mriqc.nimh.nih.gov/api/v1"
  },
  "qi_1": 0.0013203241773639747,
  "qi_2": 0.019116115584356802,
  "rpve_csf": 11.082448300290904,
  "rpve_gm": 8.389371303425957,
  "rpve_wm": 28.61714546051808,
  "size_x": 224,
  "size_y": 256,
  "size_z": 256,
  "snr_csf": 9.207953734159421,
  "snr_gm": 9.770062677872506,
  "snr_total": 7.58072926177639,
  "snr_wm": 3.7641713732972404,
  "snrd_csf": 64.99191714329281,
  "snrd_gm": 43.40677198262752,
  "snrd_total": 72.15993905460444,
  "snrd_wm": 108.08112803789302,
  "spacing_x": 0.800000011920929,
  "spacing_y": 0.8046875,
  "spacing_z": 0.8046875,
  "summary_bg_k": 796.6287148483849,
  "summary_bg_mad": 0.0,
  "summary_bg_mean": 1.6126068908232314,
  "summary_bg_median": 0.0,
  "summary_bg_n": 4321061.0,
  "summary_bg_p05": 0.0,
  "summary_bg_p95": 8.58735865354538,
  "summary_bg_stdv": 6.062977366638863,
  "summary_csf_k": 0.6080497214766214,
  "summary_csf_mad": 62.638417913719074,
  "summary_csf_mean": 604.0842835152217,
  "summary_csf_median": 601.469438508153,
  "summary_csf_n": 49391.0,
  "summary_csf_p05": 502.38132433593273,
  "summary_csf_p95": 714.0430406630039,
  "summary_csf_stdv": 65.31997955087253,
  "summary_gm_k": 0.19093104926514481,
  "summary_gm_mad": 40.17264099054504,
  "summary_gm_mean": 401.3833249783251,
  "summary_gm_median": 401.70913429558277,
  "summary_gm_n": 366779.0,
  "summary_gm_p05": 333.01026506721973,
  "summary_gm_p95": 468.0944190323353,
  "summary_gm_stdv": 41.11627529141615,
  "summary_wm_k": 2.25370748074448,
  "summary_wm_mad": 158.89824613337123,
  "summary_wm_mean": 916.501007047859,
  "summary_wm_median": 1000.2396952062845,
  "summary_wm_n": 43401.0,
  "summary_wm_p05": 246.05283714830875,
  "summary_wm_p95": 1171.6742217242718,
  "summary_wm_stdv": 265.72333528759424,
  "tpm_overlap_csf": 0.10834171141882375,
  "tpm_overlap_gm": 0.3199273978567573,
  "tpm_overlap_wm": 0.03257976643900488,
  "wm2max": 0.8499043638424483
}