{
  "bids_meta": {
    "AccelFactPE": 2,
    "DeviceSerialNumber": "40482",
    "EchoTime": 0.00197,
    "FlipAngle": 9,
    "InstitutionAddress": "Frew_4805_Pittsburgh_PA_District_US_15213",
    "InstitutionName": "SIBR",
    "InversionTime": 0.9,
    "MagneticFieldStrength": 3,
    "Manufacturer": "Siemens",
    "ManufacturersModelName": "Verio",
    "PhaseEncodingDirection": "i-",
    "PhaseEncodingLines": 256,
    "RepetitionTime": 2.3,
    "ScanningSequence": "GR_IR",
    "SequenceName": "_tfl3d1_ns",
    "SequenceVariant": "SP_MP",
    "SoftwareVersions": "syngo_MR_B17",
    "dataset": "ds001233",
    "modality": "T1w",
    "session_id": "pre",
    "subject_id": "09"
  },
  "cjv": 0.3454839811713977,
  "cnr": 3.8576983619595024,
  "efc": 0.5412735960499852,
  "fber": 12621.603931806496,
  "fwhm_avg": 3.91593,
  "fwhm_x": 3.79282,
  "fwhm_y": 4.02647,
  "fwhm_z": 3.9285,
  "icvs_csf": 0.21519030056036348,
  "icvs_gm": 0.43421707736675685,
  "icvs_wm": 0.35059262207287967,
  "inu_med": 0.5141467452049255,
  "inu_range": 0.13961660861968994,
  "provenance": {
    "md5sum": "597c9d37960b20d18ac6c0b067f8d5db",
    "settings": {
      "testing": false
    },
    "software": "mriqc",
    "version": "23.0.1",
    "warnings": {
      "large_rot_frame": true,
      "small_air_mask": false
    },
    "webapi_port": null,
    "webapi_url": "https://mriqc.nimh.nih.gov/api/v1"
  },
  "qi_1": 0.0,
  "qi_2": 0.03145430397368912,
  "rpve_csf": 23.169736503686842,
  "rpve_gm": 12.176240913677526,
  "rpve_wm": 17.815495372810187,
  "size_x": 176,
  "size_y": 256,
  "size_z": 256,
  "snr_csf": 2.149956671174026,
  "snr_gm": 9.48893256073116,
  "snr_total": 11.578754125732116,
  "snr_wm": 23.09737314529116,
  "snrd_csf": 18.576072536574376,
  "snrd_gm": 56.10675356343357,
  "snrd_total": 52.51658467456889,
  "snrd_wm": 82.86692792369874,
  "spacing_x": 1.0,
  "spacing_y": 1.0,
  "spacing_z": 1.0,
  "summary_bg_k": 5.0724104164983626,
  "summary_bg_mad": 7.906179729593414,
  "summary_bg_mean": 5.365830003980885,
  "summary_bg_median": 5.332637190818787,
  "summary_bg_n": 2702556.0,
  "summary_bg_p05": 0.0,
  "summary_bg_p95": 17.750596523284912,
  "summary_bg_stdv": 6.464602834430615,
  "summary_csf_k": 0.859744590407233,
  "summary_csf_mad": 93.24316163607897,
  "summary_csf_mean": 236.86512148407633,
  "summary_csf_median": 224.17586344480515,
  "summary_csf_n": 27022.0,
  "summary_csf_p05": 88.7548471748829,
  "summary_csf_p95": 434.81316792368875,
  "summary_csf_stdv": 104.26801543819407,
  "summary_gm_k": 0.028891394858133967,
  "summary_gm_mad": 70.4368739545595,
  "summary_gm_mean": 675.0217464638105,
  "summary_gm_median": 677.0957585573196,
  "summary_gm_n": 33288.0,
  "summary_gm_p05": 554.0106610476971,
  "summary_gm_p95": 790.0134187936783,
  "summary_gm_stdv": 71.35529564358319,
  "summary_wm_k": 0.5216906358432842,
  "summary_wm_mad": 41.13424978194056,
  "summary_wm_mean": 999.9921022121435,
  "summary_wm_median": 1000.037283539772,
  "summary_wm_n": 206156.0,
  "summary_wm_p05": 929.0348974466324,
  "summary_wm_p95": 1070.2565550804138,
  "summary_wm_stdv": 43.296475829005104,
  "tpm_overlap_csf": 0.16425863932192772,
  "tpm_overlap_gm": 0.47827925301549534,
  "tpm_overlap_wm": 0.5254746243171982,
  "wm2max": 0.46831287218622847
}