{
  "bids_meta": {
    "AccelFactPE": 2,
    "DeviceSerialNumber": "40482",
    "EchoTime": 0.00197,
    "FlipAngle": 9,
    "InstitutionAddress": "Frew_4805_Pittsburgh_PA_District_US_15213",
    "InstitutionName": "SIBR",
    "InversionTime": 0.9,
    "MagneticFieldStrength": 3,
    "Manufacturer": "Siemens",
    "ManufacturersModelName": "Verio",
    "PhaseEncodingDirection": "i-",
    "PhaseEncodingLines": 256,
    "RepetitionTime": 2.3,
    "ScanningSequence": "GR_IR",
    "SequenceName": "_tfl3d1_ns",
    "SequenceVariant": "SP_MP",
    "SoftwareVersions": "syngo_MR_B17",
    "dataset": "ds001233",
    "modality": "T1w",
    "session_id": "pre",
    "subject_id": "08"
  },
  "cjv": 0.3195168092081424,
  "cnr": 4.069154835954813,
  "efc": 0.5183448925734209,
  "fber": 22718.08315366237,
  "fwhm_avg": 4.39186,
  "fwhm_x": 4.16529,
  "fwhm_y": 4.73879,
  "fwhm_z": 4.2715,
  "icvs_csf": 0.22957954155617477,
  "icvs_gm": 0.4130308335354649,
  "icvs_wm": 0.35738962490836035,
  "inu_med": 0.4254331439733505,
  "inu_range": 0.094355009496212,
  "provenance": {
    "md5sum": "2a060c16fce4a93d08e537752bfc47f6",
    "settings": {
      "testing": false
    },
    "software": "mriqc",
    "version": "23.0.1",
    "warnings": {
      "large_rot_frame": true,
      "small_air_mask": false
    },
    "webapi_port": null,
    "webapi_url": "https://mriqc.nimh.nih.gov/api/v1"
  },
  "qi_1": 1.0070061641770876e-05,
  "qi_2": 0.025126952338593914,
  "rpve_csf": 23.020808808881323,
  "rpve_gm": 13.074404597637708,
  "rpve_wm": 18.359707840769698,
  "size_x": 176,
  "size_y": 256,
  "size_z": 256,
  "snr_csf": 1.8680100336182683,
  "snr_gm": 9.088824857360253,
  "snr_total": 11.440681840109265,
  "snr_wm": 23.365210629349274,
  "snrd_csf": 20.910312403060267,
  "snrd_gm": 73.3161814288994,
  "snrd_total": 68.59262014746268,
  "snrd_wm": 111.55136661042837,
  "spacing_x": 1.0,
  "spacing_y": 1.0,
  "spacing_z": 1.0,
  "summary_bg_k": 13.995897982223486,
  "summary_bg_mad": 0.0,
  "summary_bg_mean": 3.4010100183791305,
  "summary_bg_median": 0.0,
  "summary_bg_n": 2853078.0,
  "summary_bg_p05": 0.0,
  "summary_bg_p95": 14.825228989124298,
  "summary_bg_stdv": 5.873145045059102,
  "summary_csf_k": 0.6560730606288057,
  "summary_csf_mad": 86.38012792904566,
  "summary_csf_mean": 206.3025742061847,
  "summary_csf_median": 187.456074308604,
  "summary_csf_n": 35384.0,
  "summary_csf_p05": 72.8161570392549,
  "summary_csf_p95": 404.9859563456846,
  "summary_csf_stdv": 100.34926046135726,
  "summary_gm_k": 0.01129525211504756,
  "summary_gm_mad": 72.4295122585746,
  "summary_gm_mean": 653.9358531244499,
  "summary_gm_median": 657.2624688260257,
  "summary_gm_n": 36937.0,
  "summary_gm_p05": 530.2511535726487,
  "summary_gm_p95": 766.2215117111801,
  "summary_gm_stdv": 72.31447211343581,
  "summary_wm_k": 1.8586108970979147,
  "summary_wm_mad": 37.0911105941556,
  "summary_wm_mean": 998.0288061672728,
  "summary_wm_median": 1000.0319873504341,
  "summary_wm_n": 212096.0,
  "summary_wm_p05": 926.7685173675418,
  "summary_wm_p95": 1062.655799459666,
  "summary_wm_stdv": 42.799940720116886,
  "tpm_overlap_csf": 0.1627220111995973,
  "tpm_overlap_gm": 0.4742115006644502,
  "tpm_overlap_wm": 0.5303142864015062,
  "wm2max": 0.5426129468465033
}